STORAGE: NONE
RESTRICTION: == netcoreapp2.2
NUGET
  remote: https://api.nuget.org/v3/index.json
    Fable.Remoting.Json (2.4)
      FSharp.Core (>= 4.3.4)
      Newtonsoft.Json (>= 11.0.1)
    FSharp.Azure.StorageTypeProvider (2.0.1)
      FSharp.Compiler.Tools (>= 10.2.1)
      WindowsAzure.Storage (>= 9.3.2)
    FSharp.Compiler.Tools (10.2.3)
    FSharp.Core (4.7)
    FSharp.Data (3.3.2)
      FSharp.Core (>= 4.3.4)
    Giraffe (3.4)
      FSharp.Core (>= 4.5.2)
      Microsoft.AspNetCore.Authentication (>= 2.1.2)
      Microsoft.AspNetCore.Authorization (>= 2.1.2)
      Microsoft.AspNetCore.Diagnostics (>= 2.1.1)
      Microsoft.AspNetCore.Hosting.Abstractions (>= 2.1.1)
      Microsoft.AspNetCore.ResponseCaching (>= 2.1.1)
      Newtonsoft.Json (>= 11.0.2)
      System.Text.RegularExpressions (>= 4.3)
      System.Xml.XmlSerializer (>= 4.3)
      TaskBuilder.fs (>= 2.1)
      Utf8Json (>= 1.3.7)
    Giraffe.GoodRead (1.2)
      FSharp.Core (>= 4.5.4)
      Giraffe (>= 3.4)
      Microsoft.AspNetCore.Http (>= 2.2)
    Giraffe.SerilogExtensions (1.3)
      Fable.Remoting.Json (>= 2.2)
      FSharp.Core (>= 4.5.4)
      Giraffe (>= 3.4)
      Microsoft.AspNetCore.Http (>= 2.2)
      Serilog (>= 2.7.1)
    Microsoft.AspNet.WebApi.Client (5.2.7)
      Newtonsoft.Json (>= 10.0.1)
      Newtonsoft.Json.Bson (>= 1.0.1)
    Microsoft.AspNetCore (2.2)
      Microsoft.AspNetCore.Diagnostics (>= 2.2)
      Microsoft.AspNetCore.HostFiltering (>= 2.2)
      Microsoft.AspNetCore.Hosting (>= 2.2)
      Microsoft.AspNetCore.Routing (>= 2.2)
      Microsoft.AspNetCore.Server.IIS (>= 2.2)
      Microsoft.AspNetCore.Server.IISIntegration (>= 2.2)
      Microsoft.AspNetCore.Server.Kestrel (>= 2.2)
      Microsoft.AspNetCore.Server.Kestrel.Https (>= 2.2)
      Microsoft.Extensions.Configuration.CommandLine (>= 2.2)
      Microsoft.Extensions.Configuration.EnvironmentVariables (>= 2.2)
      Microsoft.Extensions.Configuration.FileExtensions (>= 2.2)
      Microsoft.Extensions.Configuration.Json (>= 2.2)
      Microsoft.Extensions.Configuration.UserSecrets (>= 2.2)
      Microsoft.Extensions.Logging (>= 2.2)
      Microsoft.Extensions.Logging.Configuration (>= 2.2)
      Microsoft.Extensions.Logging.Console (>= 2.2)
      Microsoft.Extensions.Logging.Debug (>= 2.2)
      Microsoft.Extensions.Logging.EventSource (>= 2.2)
    Microsoft.AspNetCore.Antiforgery (2.2)
      Microsoft.AspNetCore.DataProtection (>= 2.2)
      Microsoft.AspNetCore.Http.Abstractions (>= 2.2)
      Microsoft.AspNetCore.Http.Extensions (>= 2.2)
      Microsoft.AspNetCore.WebUtilities (>= 2.2)
      Microsoft.Extensions.ObjectPool (>= 2.2)
    Microsoft.AspNetCore.App (2.2)
      Microsoft.AspNet.WebApi.Client (>= 5.2.6 < 5.3)
      Microsoft.AspNetCore (>= 2.2 < 2.3)
      Microsoft.AspNetCore.Antiforgery (>= 2.2 < 2.3)
      Microsoft.AspNetCore.Authentication (>= 2.2 < 2.3)
      Microsoft.AspNetCore.Authentication.Abstractions (>= 2.2 < 2.3)
      Microsoft.AspNetCore.Authentication.Cookies (>= 2.2 < 2.3)
      Microsoft.AspNetCore.Authentication.Core (>= 2.2 < 2.3)
      Microsoft.AspNetCore.Authentication.Facebook (>= 2.2 < 2.3)
      Microsoft.AspNetCore.Authentication.Google (>= 2.2 < 2.3)
      Microsoft.AspNetCore.Authentication.JwtBearer (>= 2.2 < 2.3)
      Microsoft.AspNetCore.Authentication.MicrosoftAccount (>= 2.2 < 2.3)
      Microsoft.AspNetCore.Authentication.OAuth (>= 2.2 < 2.3)
      Microsoft.AspNetCore.Authentication.OpenIdConnect (>= 2.2 < 2.3)
      Microsoft.AspNetCore.Authentication.Twitter (>= 2.2 < 2.3)
      Microsoft.AspNetCore.Authentication.WsFederation (>= 2.2 < 2.3)
      Microsoft.AspNetCore.Authorization (>= 2.2 < 2.3)
      Microsoft.AspNetCore.Authorization.Policy (>= 2.2 < 2.3)
      Microsoft.AspNetCore.Connections.Abstractions (>= 2.2 < 2.3)
      Microsoft.AspNetCore.CookiePolicy (>= 2.2 < 2.3)
      Microsoft.AspNetCore.Cors (>= 2.2 < 2.3)
      Microsoft.AspNetCore.Cryptography.Internal (>= 2.2 < 2.3)
      Microsoft.AspNetCore.Cryptography.KeyDerivation (>= 2.2 < 2.3)
      Microsoft.AspNetCore.DataProtection (>= 2.2 < 2.3)
      Microsoft.AspNetCore.DataProtection.Abstractions (>= 2.2 < 2.3)
      Microsoft.AspNetCore.DataProtection.Extensions (>= 2.2 < 2.3)
      Microsoft.AspNetCore.Diagnostics (>= 2.2 < 2.3)
      Microsoft.AspNetCore.Diagnostics.Abstractions (>= 2.2 < 2.3)
      Microsoft.AspNetCore.Diagnostics.EntityFrameworkCore (>= 2.2 < 2.3)
      Microsoft.AspNetCore.Diagnostics.HealthChecks (>= 2.2 < 2.3)
      Microsoft.AspNetCore.HostFiltering (>= 2.2 < 2.3)
      Microsoft.AspNetCore.Hosting (>= 2.2 < 2.3)
      Microsoft.AspNetCore.Hosting.Abstractions (>= 2.2 < 2.3)
      Microsoft.AspNetCore.Hosting.Server.Abstractions (>= 2.2 < 2.3)
      Microsoft.AspNetCore.Html.Abstractions (>= 2.2 < 2.3)
      Microsoft.AspNetCore.Http (>= 2.2 < 2.3)
      Microsoft.AspNetCore.Http.Abstractions (>= 2.2 < 2.3)
      Microsoft.AspNetCore.Http.Connections (>= 1.1 < 1.2)
      Microsoft.AspNetCore.Http.Connections.Common (>= 1.1 < 1.2)
      Microsoft.AspNetCore.Http.Extensions (>= 2.2 < 2.3)
      Microsoft.AspNetCore.Http.Features (>= 2.2 < 2.3)
      Microsoft.AspNetCore.HttpOverrides (>= 2.2 < 2.3)
      Microsoft.AspNetCore.HttpsPolicy (>= 2.2 < 2.3)
      Microsoft.AspNetCore.Identity (>= 2.2 < 2.3)
      Microsoft.AspNetCore.Identity.EntityFrameworkCore (>= 2.2 < 2.3)
      Microsoft.AspNetCore.Identity.UI (>= 2.2 < 2.3)
      Microsoft.AspNetCore.JsonPatch (>= 2.2 < 2.3)
      Microsoft.AspNetCore.Localization (>= 2.2 < 2.3)
      Microsoft.AspNetCore.Localization.Routing (>= 2.2 < 2.3)
      Microsoft.AspNetCore.MiddlewareAnalysis (>= 2.2 < 2.3)
      Microsoft.AspNetCore.Mvc (>= 2.2 < 2.3)
      Microsoft.AspNetCore.Mvc.Abstractions (>= 2.2 < 2.3)
      Microsoft.AspNetCore.Mvc.Analyzers (>= 2.2 < 2.3)
      Microsoft.AspNetCore.Mvc.ApiExplorer (>= 2.2 < 2.3)
      Microsoft.AspNetCore.Mvc.Core (>= 2.2 < 2.3)
      Microsoft.AspNetCore.Mvc.Cors (>= 2.2 < 2.3)
      Microsoft.AspNetCore.Mvc.DataAnnotations (>= 2.2 < 2.3)
      Microsoft.AspNetCore.Mvc.Formatters.Json (>= 2.2 < 2.3)
      Microsoft.AspNetCore.Mvc.Formatters.Xml (>= 2.2 < 2.3)
      Microsoft.AspNetCore.Mvc.Localization (>= 2.2 < 2.3)
      Microsoft.AspNetCore.Mvc.Razor (>= 2.2 < 2.3)
      Microsoft.AspNetCore.Mvc.Razor.Extensions (>= 2.2 < 2.3)
      Microsoft.AspNetCore.Mvc.Razor.ViewCompilation (>= 2.2 < 2.3)
      Microsoft.AspNetCore.Mvc.RazorPages (>= 2.2 < 2.3)
      Microsoft.AspNetCore.Mvc.TagHelpers (>= 2.2 < 2.3)
      Microsoft.AspNetCore.Mvc.ViewFeatures (>= 2.2 < 2.3)
      Microsoft.AspNetCore.NodeServices (>= 2.2 < 2.3)
      Microsoft.AspNetCore.Owin (>= 2.2 < 2.3)
      Microsoft.AspNetCore.Razor (>= 2.2 < 2.3)
      Microsoft.AspNetCore.Razor.Design (>= 2.2 < 2.3)
      Microsoft.AspNetCore.Razor.Language (>= 2.2 < 2.3)
      Microsoft.AspNetCore.Razor.Runtime (>= 2.2 < 2.3)
      Microsoft.AspNetCore.ResponseCaching (>= 2.2 < 2.3)
      Microsoft.AspNetCore.ResponseCaching.Abstractions (>= 2.2 < 2.3)
      Microsoft.AspNetCore.ResponseCompression (>= 2.2 < 2.3)
      Microsoft.AspNetCore.Rewrite (>= 2.2 < 2.3)
      Microsoft.AspNetCore.Routing (>= 2.2 < 2.3)
      Microsoft.AspNetCore.Routing.Abstractions (>= 2.2 < 2.3)
      Microsoft.AspNetCore.Server.HttpSys (>= 2.2 < 2.3)
      Microsoft.AspNetCore.Server.IIS (>= 2.2 < 2.3)
      Microsoft.AspNetCore.Server.IISIntegration (>= 2.2 < 2.3)
      Microsoft.AspNetCore.Server.Kestrel (>= 2.2 < 2.3)
      Microsoft.AspNetCore.Server.Kestrel.Core (>= 2.2 < 2.3)
      Microsoft.AspNetCore.Server.Kestrel.Https (>= 2.2 < 2.3)
      Microsoft.AspNetCore.Server.Kestrel.Transport.Abstractions (>= 2.2 < 2.3)
      Microsoft.AspNetCore.Server.Kestrel.Transport.Sockets (>= 2.2 < 2.3)
      Microsoft.AspNetCore.Session (>= 2.2 < 2.3)
      Microsoft.AspNetCore.SignalR (>= 1.1 < 1.2)
      Microsoft.AspNetCore.SignalR.Common (>= 1.1 < 1.2)
      Microsoft.AspNetCore.SignalR.Core (>= 1.1 < 1.2)
      Microsoft.AspNetCore.SignalR.Protocols.Json (>= 1.1 < 1.2)
      Microsoft.AspNetCore.SpaServices (>= 2.2 < 2.3)
      Microsoft.AspNetCore.SpaServices.Extensions (>= 2.2 < 2.3)
      Microsoft.AspNetCore.StaticFiles (>= 2.2 < 2.3)
      Microsoft.AspNetCore.WebSockets (>= 2.2 < 2.3)
      Microsoft.AspNetCore.WebUtilities (>= 2.2 < 2.3)
      Microsoft.CodeAnalysis.Razor (>= 2.2 < 2.3)
      Microsoft.EntityFrameworkCore (>= 2.2 < 2.3)
      Microsoft.EntityFrameworkCore.Abstractions (>= 2.2 < 2.3)
      Microsoft.EntityFrameworkCore.Analyzers (>= 2.2 < 2.3)
      Microsoft.EntityFrameworkCore.Design (>= 2.2 < 2.3)
      Microsoft.EntityFrameworkCore.InMemory (>= 2.2 < 2.3)
      Microsoft.EntityFrameworkCore.Relational (>= 2.2 < 2.3)
      Microsoft.EntityFrameworkCore.SqlServer (>= 2.2 < 2.3)
      Microsoft.EntityFrameworkCore.Tools (>= 2.2 < 2.3)
      Microsoft.Extensions.Caching.Abstractions (>= 2.2 < 2.3)
      Microsoft.Extensions.Caching.Memory (>= 2.2 < 2.3)
      Microsoft.Extensions.Caching.SqlServer (>= 2.2 < 2.3)
      Microsoft.Extensions.Configuration (>= 2.2 < 2.3)
      Microsoft.Extensions.Configuration.Abstractions (>= 2.2 < 2.3)
      Microsoft.Extensions.Configuration.Binder (>= 2.2 < 2.3)
      Microsoft.Extensions.Configuration.CommandLine (>= 2.2 < 2.3)
      Microsoft.Extensions.Configuration.EnvironmentVariables (>= 2.2 < 2.3)
      Microsoft.Extensions.Configuration.FileExtensions (>= 2.2 < 2.3)
      Microsoft.Extensions.Configuration.Ini (>= 2.2 < 2.3)
      Microsoft.Extensions.Configuration.Json (>= 2.2 < 2.3)
      Microsoft.Extensions.Configuration.KeyPerFile (>= 2.2 < 2.3)
      Microsoft.Extensions.Configuration.UserSecrets (>= 2.2 < 2.3)
      Microsoft.Extensions.Configuration.Xml (>= 2.2 < 2.3)
      Microsoft.Extensions.DependencyInjection (>= 2.2 < 2.3)
      Microsoft.Extensions.DependencyInjection.Abstractions (>= 2.2 < 2.3)
      Microsoft.Extensions.DiagnosticAdapter (>= 2.2 < 2.3)
      Microsoft.Extensions.Diagnostics.HealthChecks (>= 2.2 < 2.3)
      Microsoft.Extensions.Diagnostics.HealthChecks.Abstractions (>= 2.2 < 2.3)
      Microsoft.Extensions.FileProviders.Abstractions (>= 2.2 < 2.3)
      Microsoft.Extensions.FileProviders.Composite (>= 2.2 < 2.3)
      Microsoft.Extensions.FileProviders.Embedded (>= 2.2 < 2.3)
      Microsoft.Extensions.FileProviders.Physical (>= 2.2 < 2.3)
      Microsoft.Extensions.FileSystemGlobbing (>= 2.2 < 2.3)
      Microsoft.Extensions.Hosting (>= 2.2 < 2.3)
      Microsoft.Extensions.Hosting.Abstractions (>= 2.2 < 2.3)
      Microsoft.Extensions.Http (>= 2.2 < 2.3)
      Microsoft.Extensions.Identity.Core (>= 2.2 < 2.3)
      Microsoft.Extensions.Identity.Stores (>= 2.2 < 2.3)
      Microsoft.Extensions.Localization (>= 2.2 < 2.3)
      Microsoft.Extensions.Localization.Abstractions (>= 2.2 < 2.3)
      Microsoft.Extensions.Logging (>= 2.2 < 2.3)
      Microsoft.Extensions.Logging.Abstractions (>= 2.2 < 2.3)
      Microsoft.Extensions.Logging.Configuration (>= 2.2 < 2.3)
      Microsoft.Extensions.Logging.Console (>= 2.2 < 2.3)
      Microsoft.Extensions.Logging.Debug (>= 2.2 < 2.3)
      Microsoft.Extensions.Logging.EventSource (>= 2.2 < 2.3)
      Microsoft.Extensions.Logging.TraceSource (>= 2.2 < 2.3)
      Microsoft.Extensions.ObjectPool (>= 2.2 < 2.3)
      Microsoft.Extensions.Options (>= 2.2 < 2.3)
      Microsoft.Extensions.Options.ConfigurationExtensions (>= 2.2 < 2.3)
      Microsoft.Extensions.Options.DataAnnotations (>= 2.2 < 2.3)
      Microsoft.Extensions.Primitives (>= 2.2 < 2.3)
      Microsoft.Extensions.WebEncoders (>= 2.2 < 2.3)
      Microsoft.Net.Http.Headers (>= 2.2 < 2.3)
      System.IO.Pipelines (>= 4.5.2)
    Microsoft.AspNetCore.Authentication (2.2)
      Microsoft.AspNetCore.Authentication.Core (>= 2.2)
      Microsoft.AspNetCore.DataProtection (>= 2.2)
      Microsoft.AspNetCore.Http (>= 2.2)
      Microsoft.AspNetCore.Http.Extensions (>= 2.2)
      Microsoft.Extensions.Logging.Abstractions (>= 2.2)
      Microsoft.Extensions.Options (>= 2.2)
      Microsoft.Extensions.WebEncoders (>= 2.2)
    Microsoft.AspNetCore.Authentication.Abstractions (2.2)
      Microsoft.AspNetCore.Http.Abstractions (>= 2.2)
      Microsoft.Extensions.Logging.Abstractions (>= 2.2)
      Microsoft.Extensions.Options (>= 2.2)
    Microsoft.AspNetCore.Authentication.Cookies (2.2)
      Microsoft.AspNetCore.Authentication (>= 2.2)
    Microsoft.AspNetCore.Authentication.Core (2.2)
      Microsoft.AspNetCore.Authentication.Abstractions (>= 2.2)
      Microsoft.AspNetCore.Http (>= 2.2)
      Microsoft.AspNetCore.Http.Extensions (>= 2.2)
    Microsoft.AspNetCore.Authentication.Facebook (2.2)
      Microsoft.AspNetCore.Authentication.OAuth (>= 2.2)
    Microsoft.AspNetCore.Authentication.Google (2.2.2)
      Microsoft.AspNetCore.Authentication.OAuth (>= 2.2)
    Microsoft.AspNetCore.Authentication.JwtBearer (2.2)
      Microsoft.AspNetCore.Authentication (>= 2.2)
      Microsoft.IdentityModel.Protocols.OpenIdConnect (>= 5.3)
    Microsoft.AspNetCore.Authentication.MicrosoftAccount (2.2)
      Microsoft.AspNetCore.Authentication.OAuth (>= 2.2)
    Microsoft.AspNetCore.Authentication.OAuth (2.2)
      Microsoft.AspNetCore.Authentication (>= 2.2)
      Newtonsoft.Json (>= 11.0.2)
    Microsoft.AspNetCore.Authentication.OpenIdConnect (2.2)
      Microsoft.AspNetCore.Authentication.OAuth (>= 2.2)
      Microsoft.IdentityModel.Protocols.OpenIdConnect (>= 5.3)
    Microsoft.AspNetCore.Authentication.Twitter (2.2)
      Microsoft.AspNetCore.Authentication.OAuth (>= 2.2)
    Microsoft.AspNetCore.Authentication.WsFederation (2.2)
      Microsoft.AspNetCore.Authentication (>= 2.2)
      Microsoft.IdentityModel.Protocols.WsFederation (>= 5.3)
      System.IdentityModel.Tokens.Jwt (>= 5.3)
    Microsoft.AspNetCore.Authorization (2.2)
      Microsoft.Extensions.Logging.Abstractions (>= 2.2)
      Microsoft.Extensions.Options (>= 2.2)
    Microsoft.AspNetCore.Authorization.Policy (2.2)
      Microsoft.AspNetCore.Authentication.Abstractions (>= 2.2)
      Microsoft.AspNetCore.Authorization (>= 2.2)
    Microsoft.AspNetCore.Connections.Abstractions (2.2)
      Microsoft.AspNetCore.Http.Features (>= 2.2)
      System.IO.Pipelines (>= 4.5.2)
    Microsoft.AspNetCore.CookiePolicy (2.2)
      Microsoft.AspNetCore.Http (>= 2.2)
      Microsoft.Extensions.Logging.Abstractions (>= 2.2)
      Microsoft.Extensions.Options (>= 2.2)
    Microsoft.AspNetCore.Cors (2.2)
      Microsoft.AspNetCore.Http.Extensions (>= 2.2)
      Microsoft.Extensions.Configuration.Abstractions (>= 2.2)
      Microsoft.Extensions.DependencyInjection.Abstractions (>= 2.2)
      Microsoft.Extensions.Logging.Abstractions (>= 2.2)
      Microsoft.Extensions.Options (>= 2.2)
    Microsoft.AspNetCore.Cryptography.Internal (2.2)
    Microsoft.AspNetCore.Cryptography.KeyDerivation (2.2)
      Microsoft.AspNetCore.Cryptography.Internal (>= 2.2)
    Microsoft.AspNetCore.DataProtection (2.2)
      Microsoft.AspNetCore.Cryptography.Internal (>= 2.2)
      Microsoft.AspNetCore.DataProtection.Abstractions (>= 2.2)
      Microsoft.AspNetCore.Hosting.Abstractions (>= 2.2)
      Microsoft.Extensions.DependencyInjection.Abstractions (>= 2.2)
      Microsoft.Extensions.Logging.Abstractions (>= 2.2)
      Microsoft.Extensions.Options (>= 2.2)
      Microsoft.Win32.Registry (>= 4.5)
      System.Security.Cryptography.Xml (>= 4.5)
      System.Security.Principal.Windows (>= 4.5)
    Microsoft.AspNetCore.DataProtection.Abstractions (2.2)
    Microsoft.AspNetCore.DataProtection.Extensions (2.2)
      Microsoft.AspNetCore.DataProtection (>= 2.2)
      Microsoft.Extensions.DependencyInjection (>= 2.2)
    Microsoft.AspNetCore.Diagnostics (2.2)
      Microsoft.AspNetCore.Diagnostics.Abstractions (>= 2.2)
      Microsoft.AspNetCore.Hosting.Abstractions (>= 2.2)
      Microsoft.AspNetCore.Http.Extensions (>= 2.2)
      Microsoft.AspNetCore.WebUtilities (>= 2.2)
      Microsoft.Extensions.FileProviders.Physical (>= 2.2)
      Microsoft.Extensions.Logging.Abstractions (>= 2.2)
      Microsoft.Extensions.Options (>= 2.2)
      System.Diagnostics.DiagnosticSource (>= 4.5)
      System.Reflection.Metadata (>= 1.6)
    Microsoft.AspNetCore.Diagnostics.Abstractions (2.2)
    Microsoft.AspNetCore.Diagnostics.EntityFrameworkCore (2.2.1)
      Microsoft.AspNetCore.Http.Abstractions (>= 2.2)
      Microsoft.EntityFrameworkCore.Relational (>= 2.2)
    Microsoft.AspNetCore.Diagnostics.HealthChecks (2.2)
      Microsoft.AspNetCore.Http.Abstractions (>= 2.2)
      Microsoft.Extensions.Diagnostics.HealthChecks (>= 2.2)
      Microsoft.Extensions.Options (>= 2.2)
      Microsoft.Net.Http.Headers (>= 2.2)
    Microsoft.AspNetCore.HostFiltering (2.2)
      Microsoft.AspNetCore.Hosting.Abstractions (>= 2.2)
      Microsoft.AspNetCore.Http (>= 2.2)
      Microsoft.AspNetCore.Http.Extensions (>= 2.2)
      Microsoft.Extensions.Options (>= 2.2)
    Microsoft.AspNetCore.Hosting (2.2.7)
      Microsoft.AspNetCore.Hosting.Abstractions (>= 2.2)
      Microsoft.AspNetCore.Http (>= 2.2)
      Microsoft.AspNetCore.Http.Extensions (>= 2.2)
      Microsoft.Extensions.Configuration (>= 2.2)
      Microsoft.Extensions.Configuration.EnvironmentVariables (>= 2.2.4)
      Microsoft.Extensions.Configuration.FileExtensions (>= 2.2)
      Microsoft.Extensions.DependencyInjection (>= 2.2)
      Microsoft.Extensions.FileProviders.Physical (>= 2.2)
      Microsoft.Extensions.Hosting.Abstractions (>= 2.2)
      Microsoft.Extensions.Logging (>= 2.2)
      Microsoft.Extensions.Options (>= 2.2)
      System.Diagnostics.DiagnosticSource (>= 4.5.1)
      System.Reflection.Metadata (>= 1.6)
    Microsoft.AspNetCore.Hosting.Abstractions (2.2)
      Microsoft.AspNetCore.Hosting.Server.Abstractions (>= 2.2)
      Microsoft.AspNetCore.Http.Abstractions (>= 2.2)
      Microsoft.Extensions.Hosting.Abstractions (>= 2.2)
    Microsoft.AspNetCore.Hosting.Server.Abstractions (2.2)
      Microsoft.AspNetCore.Http.Features (>= 2.2)
      Microsoft.Extensions.Configuration.Abstractions (>= 2.2)
    Microsoft.AspNetCore.Html.Abstractions (2.2)
      System.Text.Encodings.Web (>= 4.5)
    Microsoft.AspNetCore.Http (2.2.2)
      Microsoft.AspNetCore.Http.Abstractions (>= 2.2)
      Microsoft.AspNetCore.WebUtilities (>= 2.2)
      Microsoft.Extensions.ObjectPool (>= 2.2)
      Microsoft.Extensions.Options (>= 2.2)
      Microsoft.Net.Http.Headers (>= 2.2)
    Microsoft.AspNetCore.Http.Abstractions (2.2)
      Microsoft.AspNetCore.Http.Features (>= 2.2)
      System.Text.Encodings.Web (>= 4.5)
    Microsoft.AspNetCore.Http.Connections (1.1)
      Microsoft.AspNetCore.Authorization.Policy (>= 2.2)
      Microsoft.AspNetCore.Hosting.Abstractions (>= 2.2)
      Microsoft.AspNetCore.Http (>= 2.2)
      Microsoft.AspNetCore.Http.Connections.Common (>= 1.1)
      Microsoft.AspNetCore.Routing (>= 2.2)
      Microsoft.AspNetCore.WebSockets (>= 2.2)
      Newtonsoft.Json (>= 11.0.2)
      System.Security.Principal.Windows (>= 4.5)
    Microsoft.AspNetCore.Http.Connections.Common (1.1)
      Microsoft.AspNetCore.Connections.Abstractions (>= 2.2)
      Newtonsoft.Json (>= 11.0.2)
      System.Buffers (>= 4.5)
    Microsoft.AspNetCore.Http.Extensions (2.2)
      Microsoft.AspNetCore.Http.Abstractions (>= 2.2)
      Microsoft.Extensions.FileProviders.Abstractions (>= 2.2)
      Microsoft.Net.Http.Headers (>= 2.2)
      System.Buffers (>= 4.5)
    Microsoft.AspNetCore.Http.Features (2.2)
      Microsoft.Extensions.Primitives (>= 2.2)
    Microsoft.AspNetCore.HttpOverrides (2.2)
      Microsoft.AspNetCore.Http.Extensions (>= 2.2)
      Microsoft.Extensions.Logging.Abstractions (>= 2.2)
      Microsoft.Extensions.Options (>= 2.2)
    Microsoft.AspNetCore.HttpsPolicy (2.2)
      Microsoft.AspNetCore.Hosting.Abstractions (>= 2.2)
      Microsoft.AspNetCore.Http (>= 2.2)
      Microsoft.AspNetCore.Http.Extensions (>= 2.2)
      Microsoft.Extensions.Configuration.Binder (>= 2.2)
      Microsoft.Extensions.Options (>= 2.2)
    Microsoft.AspNetCore.Identity (2.2)
      Microsoft.AspNetCore.Authentication.Cookies (>= 2.2)
      Microsoft.AspNetCore.Cryptography.KeyDerivation (>= 2.2)
      Microsoft.AspNetCore.Hosting.Abstractions (>= 2.2)
      Microsoft.Extensions.Identity.Core (>= 2.2)
    Microsoft.AspNetCore.Identity.EntityFrameworkCore (2.2)
      Microsoft.AspNetCore.Identity (>= 2.2)
      Microsoft.EntityFrameworkCore.Relational (>= 2.2)
      Microsoft.Extensions.Identity.Stores (>= 2.2)
    Microsoft.AspNetCore.Identity.UI (2.2.5)
      Microsoft.AspNetCore.Identity (>= 2.2)
      Microsoft.AspNetCore.Mvc (>= 2.2)
      Microsoft.AspNetCore.StaticFiles (>= 2.2)
      Microsoft.Extensions.FileProviders.Embedded (>= 2.2)
      Microsoft.Extensions.Identity.Stores (>= 2.2)
    Microsoft.AspNetCore.JsonPatch (2.2)
      Microsoft.CSharp (>= 4.5)
      Newtonsoft.Json (>= 11.0.2)
    Microsoft.AspNetCore.Localization (2.2)
      Microsoft.AspNetCore.Http.Extensions (>= 2.2)
      Microsoft.Extensions.Localization.Abstractions (>= 2.2)
      Microsoft.Extensions.Logging.Abstractions (>= 2.2)
      Microsoft.Extensions.Options (>= 2.2)
    Microsoft.AspNetCore.Localization.Routing (2.2)
      Microsoft.AspNetCore.Localization (>= 2.2)
      Microsoft.AspNetCore.Routing.Abstractions (>= 2.2)
    Microsoft.AspNetCore.MiddlewareAnalysis (2.2)
      Microsoft.AspNetCore.Hosting.Abstractions (>= 2.2)
      Microsoft.Extensions.DependencyInjection.Abstractions (>= 2.2)
      System.Diagnostics.DiagnosticSource (>= 4.5)
    Microsoft.AspNetCore.Mvc (2.2)
      Microsoft.AspNetCore.Mvc.Analyzers (>= 2.2)
      Microsoft.AspNetCore.Mvc.ApiExplorer (>= 2.2)
      Microsoft.AspNetCore.Mvc.Cors (>= 2.2)
      Microsoft.AspNetCore.Mvc.DataAnnotations (>= 2.2)
      Microsoft.AspNetCore.Mvc.Formatters.Json (>= 2.2)
      Microsoft.AspNetCore.Mvc.Localization (>= 2.2)
      Microsoft.AspNetCore.Mvc.Razor.Extensions (>= 2.2)
      Microsoft.AspNetCore.Mvc.RazorPages (>= 2.2)
      Microsoft.AspNetCore.Mvc.TagHelpers (>= 2.2)
      Microsoft.AspNetCore.Mvc.ViewFeatures (>= 2.2)
      Microsoft.AspNetCore.Razor.Design (>= 2.2)
      Microsoft.Extensions.Caching.Memory (>= 2.2)
      Microsoft.Extensions.DependencyInjection (>= 2.2)
    Microsoft.AspNetCore.Mvc.Abstractions (2.2)
      Microsoft.AspNetCore.Routing.Abstractions (>= 2.2)
      Microsoft.Net.Http.Headers (>= 2.2)
    Microsoft.AspNetCore.Mvc.Analyzers (2.2)
    Microsoft.AspNetCore.Mvc.ApiExplorer (2.2)
      Microsoft.AspNetCore.Mvc.Core (>= 2.2)
    Microsoft.AspNetCore.Mvc.Core (2.2.5)
      Microsoft.AspNetCore.Authentication.Core (>= 2.2)
      Microsoft.AspNetCore.Authorization.Policy (>= 2.2)
      Microsoft.AspNetCore.Hosting.Abstractions (>= 2.2)
      Microsoft.AspNetCore.Http (>= 2.2)
      Microsoft.AspNetCore.Http.Extensions (>= 2.2)
      Microsoft.AspNetCore.Mvc.Abstractions (>= 2.2)
      Microsoft.AspNetCore.ResponseCaching.Abstractions (>= 2.2)
      Microsoft.AspNetCore.Routing (>= 2.2)
      Microsoft.AspNetCore.Routing.Abstractions (>= 2.2)
      Microsoft.Extensions.DependencyInjection (>= 2.2)
      Microsoft.Extensions.DependencyModel (>= 2.1)
      Microsoft.Extensions.FileProviders.Abstractions (>= 2.2)
      Microsoft.Extensions.Logging.Abstractions (>= 2.2)
      System.Diagnostics.DiagnosticSource (>= 4.5)
      System.Threading.Tasks.Extensions (>= 4.5.1)
    Microsoft.AspNetCore.Mvc.Cors (2.2)
      Microsoft.AspNetCore.Cors (>= 2.2)
      Microsoft.AspNetCore.Mvc.Core (>= 2.2)
    Microsoft.AspNetCore.Mvc.DataAnnotations (2.2)
      Microsoft.AspNetCore.Mvc.Core (>= 2.2)
      Microsoft.Extensions.Localization (>= 2.2)
      System.ComponentModel.Annotations (>= 4.5)
    Microsoft.AspNetCore.Mvc.Formatters.Json (2.2)
      Microsoft.AspNetCore.JsonPatch (>= 2.2)
      Microsoft.AspNetCore.Mvc.Core (>= 2.2)
    Microsoft.AspNetCore.Mvc.Formatters.Xml (2.2)
      Microsoft.AspNetCore.Mvc.Core (>= 2.2)
    Microsoft.AspNetCore.Mvc.Localization (2.2)
      Microsoft.AspNetCore.Localization (>= 2.2)
      Microsoft.AspNetCore.Mvc.Razor (>= 2.2)
      Microsoft.Extensions.DependencyInjection (>= 2.2)
      Microsoft.Extensions.Localization (>= 2.2)
    Microsoft.AspNetCore.Mvc.Razor (2.2)
      Microsoft.AspNetCore.Mvc.Razor.Extensions (>= 2.2)
      Microsoft.AspNetCore.Mvc.ViewFeatures (>= 2.2)
      Microsoft.AspNetCore.Razor.Runtime (>= 2.2)
      Microsoft.CodeAnalysis.CSharp (>= 2.8)
      Microsoft.CodeAnalysis.Razor (>= 2.2)
      Microsoft.Extensions.Caching.Memory (>= 2.2)
      Microsoft.Extensions.FileProviders.Composite (>= 2.2)
    Microsoft.AspNetCore.Mvc.Razor.Extensions (2.2)
      Microsoft.AspNetCore.Razor.Language (>= 2.2)
      Microsoft.CodeAnalysis.Razor (>= 2.2)
    Microsoft.AspNetCore.Mvc.Razor.ViewCompilation (2.2)
      Microsoft.AspNetCore.Hosting (>= 2.2)
      Microsoft.AspNetCore.Mvc.RazorPages (>= 2.2)
    Microsoft.AspNetCore.Mvc.RazorPages (2.2.5)
      Microsoft.AspNetCore.Mvc.Razor (>= 2.2)
    Microsoft.AspNetCore.Mvc.TagHelpers (2.2)
      Microsoft.AspNetCore.Mvc.Razor (>= 2.2)
      Microsoft.AspNetCore.Razor.Runtime (>= 2.2)
      Microsoft.AspNetCore.Routing.Abstractions (>= 2.2)
      Microsoft.Extensions.Caching.Memory (>= 2.2)
      Microsoft.Extensions.FileSystemGlobbing (>= 2.2)
      Microsoft.Extensions.Primitives (>= 2.2)
    Microsoft.AspNetCore.Mvc.ViewFeatures (2.2)
      Microsoft.AspNetCore.Antiforgery (>= 2.2)
      Microsoft.AspNetCore.Diagnostics.Abstractions (>= 2.2)
      Microsoft.AspNetCore.Html.Abstractions (>= 2.2)
      Microsoft.AspNetCore.Mvc.Core (>= 2.2)
      Microsoft.AspNetCore.Mvc.DataAnnotations (>= 2.2)
      Microsoft.AspNetCore.Mvc.Formatters.Json (>= 2.2)
      Microsoft.Extensions.WebEncoders (>= 2.2)
      Newtonsoft.Json.Bson (>= 1.0.1)
    Microsoft.AspNetCore.NodeServices (2.2)
      Microsoft.AspNetCore.Hosting.Abstractions (>= 2.2)
      Microsoft.Extensions.Logging.Console (>= 2.2)
      Newtonsoft.Json (>= 11.0.2)
    Microsoft.AspNetCore.Owin (2.2)
      Microsoft.AspNetCore.Http (>= 2.2)
    Microsoft.AspNetCore.Razor (2.2)
      Microsoft.AspNetCore.Html.Abstractions (>= 2.2)
    Microsoft.AspNetCore.Razor.Design (2.2)
    Microsoft.AspNetCore.Razor.Language (2.2)
    Microsoft.AspNetCore.Razor.Runtime (2.2)
      Microsoft.AspNetCore.Html.Abstractions (>= 2.2)
      Microsoft.AspNetCore.Razor (>= 2.2)
    Microsoft.AspNetCore.ResponseCaching (2.2)
      Microsoft.AspNetCore.Http (>= 2.2)
      Microsoft.AspNetCore.Http.Extensions (>= 2.2)
      Microsoft.AspNetCore.ResponseCaching.Abstractions (>= 2.2)
      Microsoft.Extensions.Caching.Memory (>= 2.2)
      Microsoft.Extensions.Logging.Abstractions (>= 2.2)
    Microsoft.AspNetCore.ResponseCaching.Abstractions (2.2)
      Microsoft.Extensions.Primitives (>= 2.2)
    Microsoft.AspNetCore.ResponseCompression (2.2)
      Microsoft.AspNetCore.Http.Extensions (>= 2.2)
      Microsoft.Extensions.Logging.Abstractions (>= 2.2)
      Microsoft.Extensions.Options (>= 2.2)
    Microsoft.AspNetCore.Rewrite (2.2)
      Microsoft.AspNetCore.Hosting.Abstractions (>= 2.2)
      Microsoft.AspNetCore.Http.Extensions (>= 2.2)
      Microsoft.Extensions.Configuration.Abstractions (>= 2.2)
      Microsoft.Extensions.FileProviders.Abstractions (>= 2.2)
      Microsoft.Extensions.Logging.Abstractions (>= 2.2)
      Microsoft.Extensions.Options (>= 2.2)
    Microsoft.AspNetCore.Routing (2.2.2)
      Microsoft.AspNetCore.Http.Extensions (>= 2.2)
      Microsoft.AspNetCore.Routing.Abstractions (>= 2.2)
      Microsoft.Extensions.Logging.Abstractions (>= 2.2)
      Microsoft.Extensions.ObjectPool (>= 2.2)
      Microsoft.Extensions.Options (>= 2.2)
    Microsoft.AspNetCore.Routing.Abstractions (2.2)
      Microsoft.AspNetCore.Http.Abstractions (>= 2.2)
    Microsoft.AspNetCore.Server.HttpSys (2.2.6)
      Microsoft.AspNetCore.Authentication.Core (>= 2.2)
      Microsoft.AspNetCore.Hosting (>= 2.2)
      Microsoft.Net.Http.Headers (>= 2.2)
      Microsoft.Win32.Registry (>= 4.5)
      System.Security.Principal.Windows (>= 4.5)
    Microsoft.AspNetCore.Server.IIS (2.2.6)
      Microsoft.AspNetCore.Authentication.Core (>= 2.2)
      Microsoft.AspNetCore.Connections.Abstractions (>= 2.2)
      Microsoft.AspNetCore.Hosting.Abstractions (>= 2.2)
      System.IO.Pipelines (>= 4.5.3)
      System.Security.Principal.Windows (>= 4.5)
    Microsoft.AspNetCore.Server.IISIntegration (2.2.1)
      Microsoft.AspNetCore.Authentication.Core (>= 2.2)
      Microsoft.AspNetCore.Hosting.Abstractions (>= 2.2)
      Microsoft.AspNetCore.Http (>= 2.2)
      Microsoft.AspNetCore.Http.Extensions (>= 2.2)
      Microsoft.AspNetCore.HttpOverrides (>= 2.2)
      Microsoft.Extensions.Logging.Abstractions (>= 2.2)
      Microsoft.Extensions.Options (>= 2.2)
      System.Buffers (>= 4.5)
      System.IO.Pipelines (>= 4.5.2)
      System.Memory (>= 4.5.1)
      System.Numerics.Vectors (>= 4.5)
      System.Runtime.CompilerServices.Unsafe (>= 4.5.1)
      System.Security.Principal.Windows (>= 4.5)
    Microsoft.AspNetCore.Server.Kestrel (2.2)
      Microsoft.AspNetCore.Hosting (>= 2.2)
      Microsoft.AspNetCore.Server.Kestrel.Core (>= 2.2)
      Microsoft.AspNetCore.Server.Kestrel.Https (>= 2.2)
      Microsoft.AspNetCore.Server.Kestrel.Transport.Sockets (>= 2.2)
    Microsoft.AspNetCore.Server.Kestrel.Core (2.2)
      Microsoft.AspNetCore.Hosting.Abstractions (>= 2.2)
      Microsoft.AspNetCore.Http (>= 2.2)
      Microsoft.AspNetCore.Server.Kestrel.Transport.Abstractions (>= 2.2)
      Microsoft.AspNetCore.WebUtilities (>= 2.2)
      Microsoft.Extensions.Configuration.Binder (>= 2.2)
      Microsoft.Extensions.Logging.Abstractions (>= 2.2)
      Microsoft.Extensions.Options (>= 2.2)
      Microsoft.Net.Http.Headers (>= 2.2)
      System.Memory (>= 4.5.1)
      System.Numerics.Vectors (>= 4.5)
      System.Runtime.CompilerServices.Unsafe (>= 4.5.1)
      System.Security.Cryptography.Cng (>= 4.5)
      System.Threading.Tasks.Extensions (>= 4.5.1)
    Microsoft.AspNetCore.Server.Kestrel.Https (2.2)
      Microsoft.AspNetCore.Http.Abstractions (>= 2.2)
      Microsoft.AspNetCore.Server.Kestrel.Core (>= 2.2)
    Microsoft.AspNetCore.Server.Kestrel.Transport.Abstractions (2.2)
      Microsoft.AspNetCore.Connections.Abstractions (>= 2.2)
    Microsoft.AspNetCore.Server.Kestrel.Transport.Sockets (2.2.1)
      Microsoft.AspNetCore.Hosting.Abstractions (>= 2.2)
      Microsoft.AspNetCore.Server.Kestrel.Transport.Abstractions (>= 2.2)
      Microsoft.Extensions.Options (>= 2.2)
    Microsoft.AspNetCore.Session (2.2)
      Microsoft.AspNetCore.DataProtection (>= 2.2)
      Microsoft.AspNetCore.Http.Abstractions (>= 2.2)
      Microsoft.Extensions.Caching.Abstractions (>= 2.2)
      Microsoft.Extensions.Logging.Abstractions (>= 2.2)
      Microsoft.Extensions.Options (>= 2.2)
    Microsoft.AspNetCore.SignalR (1.1)
      Microsoft.AspNetCore.Http.Connections (>= 1.1)
      Microsoft.AspNetCore.SignalR.Core (>= 1.1)
    Microsoft.AspNetCore.SignalR.Common (1.1)
      Microsoft.AspNetCore.Connections.Abstractions (>= 2.2)
      Microsoft.Extensions.Options (>= 2.2)
      Newtonsoft.Json (>= 11.0.2)
      System.Buffers (>= 4.5)
    Microsoft.AspNetCore.SignalR.Core (1.1)
      Microsoft.AspNetCore.Authorization (>= 2.2)
      Microsoft.AspNetCore.SignalR.Common (>= 1.1)
      Microsoft.AspNetCore.SignalR.Protocols.Json (>= 1.1)
      Microsoft.Extensions.DependencyInjection.Abstractions (>= 2.2)
      Microsoft.Extensions.Logging.Abstractions (>= 2.2)
      System.Reflection.Emit (>= 4.3)
      System.Threading.Channels (>= 4.5)
    Microsoft.AspNetCore.SignalR.Protocols.Json (1.1)
      Microsoft.AspNetCore.SignalR.Common (>= 1.1)
      Newtonsoft.Json (>= 11.0.2)
    Microsoft.AspNetCore.SpaServices (2.2.7)
      Microsoft.AspNetCore.Mvc.TagHelpers (>= 2.2)
      Microsoft.AspNetCore.Mvc.ViewFeatures (>= 2.2)
      Microsoft.AspNetCore.NodeServices (>= 2.2)
    Microsoft.AspNetCore.SpaServices.Extensions (2.2)
      Microsoft.AspNetCore.SpaServices (>= 2.2)
      Microsoft.AspNetCore.StaticFiles (>= 2.2)
      Microsoft.AspNetCore.WebSockets (>= 2.2)
      Microsoft.Extensions.FileProviders.Physical (>= 2.2)
    Microsoft.AspNetCore.StaticFiles (2.2)
      Microsoft.AspNetCore.Hosting.Abstractions (>= 2.2)
      Microsoft.AspNetCore.Http.Extensions (>= 2.2)
      Microsoft.Extensions.FileProviders.Abstractions (>= 2.2)
      Microsoft.Extensions.Logging.Abstractions (>= 2.2)
      Microsoft.Extensions.WebEncoders (>= 2.2)
    Microsoft.AspNetCore.TestHost (3.0)
    Microsoft.AspNetCore.WebSockets (2.2.1)
      Microsoft.AspNetCore.Http.Extensions (>= 2.2)
      Microsoft.Extensions.Logging.Abstractions (>= 2.2)
      Microsoft.Extensions.Options (>= 2.2)
      System.Net.WebSockets.WebSocketProtocol (>= 4.5.3)
    Microsoft.AspNetCore.WebUtilities (2.2)
      Microsoft.Net.Http.Headers (>= 2.2)
      System.Text.Encodings.Web (>= 4.5)
    Microsoft.Bcl.AsyncInterfaces (1.0)
    Microsoft.CodeAnalysis.Analyzers (2.9.6)
    Microsoft.CodeAnalysis.Common (3.3.1)
      Microsoft.CodeAnalysis.Analyzers (>= 2.9.4)
      System.Collections.Immutable (>= 1.5)
      System.Memory (>= 4.5.3)
      System.Reflection.Metadata (>= 1.6)
      System.Runtime.CompilerServices.Unsafe (>= 4.5.2)
      System.Text.Encoding.CodePages (>= 4.5.1)
      System.Threading.Tasks.Extensions (>= 4.5.3)
    Microsoft.CodeAnalysis.CSharp (3.3.1)
      Microsoft.CodeAnalysis.Common (3.3.1)
    Microsoft.CodeAnalysis.Razor (2.2)
      Microsoft.AspNetCore.Razor.Language (>= 2.2)
      Microsoft.CodeAnalysis.Common (>= 2.8)
      Microsoft.CodeAnalysis.CSharp (>= 2.8)
    Microsoft.CodeCoverage (16.3)
    Microsoft.CSharp (4.6)
    Microsoft.EntityFrameworkCore (2.2.6)
      Microsoft.EntityFrameworkCore.Abstractions (>= 2.2.6)
      Microsoft.EntityFrameworkCore.Analyzers (>= 2.2.6)
      Microsoft.Extensions.Caching.Memory (>= 2.2)
      Microsoft.Extensions.DependencyInjection (>= 2.2)
      Microsoft.Extensions.Logging (>= 2.2)
      Remotion.Linq (>= 2.2)
      System.Collections.Immutable (>= 1.5)
      System.ComponentModel.Annotations (>= 4.5)
      System.Diagnostics.DiagnosticSource (>= 4.5)
      System.Interactive.Async (>= 3.2)
    Microsoft.EntityFrameworkCore.Abstractions (2.2.6)
    Microsoft.EntityFrameworkCore.Analyzers (2.2.6)
    Microsoft.EntityFrameworkCore.Design (2.2.6)
      Microsoft.CSharp (>= 4.5)
      Microsoft.EntityFrameworkCore.Relational (>= 2.2.6)
    Microsoft.EntityFrameworkCore.InMemory (2.2.6)
      Microsoft.EntityFrameworkCore (>= 2.2.6)
    Microsoft.EntityFrameworkCore.Relational (2.2.6)
      Microsoft.EntityFrameworkCore (>= 2.2.6)
    Microsoft.EntityFrameworkCore.SqlServer (2.2.6)
      Microsoft.EntityFrameworkCore.Relational (>= 2.2.6)
      System.Data.SqlClient (>= 4.6.1)
    Microsoft.EntityFrameworkCore.Tools (2.2.6)
      Microsoft.EntityFrameworkCore.Design (>= 2.2.6)
    Microsoft.Extensions.Caching.Abstractions (2.2)
      Microsoft.Extensions.Primitives (>= 2.2)
    Microsoft.Extensions.Caching.Memory (2.2)
      Microsoft.Extensions.Caching.Abstractions (>= 2.2)
      Microsoft.Extensions.DependencyInjection.Abstractions (>= 2.2)
      Microsoft.Extensions.Options (>= 2.2)
    Microsoft.Extensions.Caching.SqlServer (2.2)
      Microsoft.Extensions.Caching.Abstractions (>= 2.2)
      Microsoft.Extensions.Options (>= 2.2)
      System.Data.SqlClient (>= 4.6)
    Microsoft.Extensions.Configuration (2.2)
      Microsoft.Extensions.Configuration.Abstractions (>= 2.2)
    Microsoft.Extensions.Configuration.Abstractions (2.2)
      Microsoft.Extensions.Primitives (>= 2.2)
    Microsoft.Extensions.Configuration.Binder (2.2.4)
      Microsoft.Extensions.Configuration (>= 2.2)
    Microsoft.Extensions.Configuration.CommandLine (2.2)
      Microsoft.Extensions.Configuration (>= 2.2)
    Microsoft.Extensions.Configuration.EnvironmentVariables (2.2.4)
      Microsoft.Extensions.Configuration (>= 2.2)
    Microsoft.Extensions.Configuration.FileExtensions (2.2)
      Microsoft.Extensions.Configuration (>= 2.2)
      Microsoft.Extensions.FileProviders.Physical (>= 2.2)
    Microsoft.Extensions.Configuration.Ini (2.2)
      Microsoft.Extensions.Configuration (>= 2.2)
      Microsoft.Extensions.Configuration.FileExtensions (>= 2.2)
    Microsoft.Extensions.Configuration.Json (2.2)
      Microsoft.Extensions.Configuration (>= 2.2)
      Microsoft.Extensions.Configuration.FileExtensions (>= 2.2)
      Newtonsoft.Json (>= 11.0.2)
    Microsoft.Extensions.Configuration.KeyPerFile (2.2.4)
      Microsoft.Extensions.Configuration (>= 2.2)
      Microsoft.Extensions.FileProviders.Physical (>= 2.2)
    Microsoft.Extensions.Configuration.UserSecrets (2.2)
      Microsoft.Extensions.Configuration.Json (>= 2.2)
    Microsoft.Extensions.Configuration.Xml (2.2)
      Microsoft.Extensions.Configuration (>= 2.2)
      Microsoft.Extensions.Configuration.FileExtensions (>= 2.2)
      System.Security.Cryptography.Xml (>= 4.5)
    Microsoft.Extensions.DependencyInjection (2.2)
      Microsoft.Extensions.DependencyInjection.Abstractions (>= 2.2)
    Microsoft.Extensions.DependencyInjection.Abstractions (2.2)
    Microsoft.Extensions.DependencyModel (3.0)
      System.Text.Json (>= 4.6)
    Microsoft.Extensions.DiagnosticAdapter (2.2)
      System.Diagnostics.DiagnosticSource (>= 4.5)
    Microsoft.Extensions.Diagnostics.HealthChecks (2.2.5)
      Microsoft.Extensions.Diagnostics.HealthChecks.Abstractions (>= 2.2)
      Microsoft.Extensions.Hosting.Abstractions (>= 2.2)
      Microsoft.Extensions.Options (>= 2.2)
    Microsoft.Extensions.Diagnostics.HealthChecks.Abstractions (2.2)
    Microsoft.Extensions.FileProviders.Abstractions (2.2)
      Microsoft.Extensions.Primitives (>= 2.2)
    Microsoft.Extensions.FileProviders.Composite (2.2)
      Microsoft.Extensions.FileProviders.Abstractions (>= 2.2)
    Microsoft.Extensions.FileProviders.Embedded (2.2)
      Microsoft.Extensions.FileProviders.Abstractions (>= 2.2)
    Microsoft.Extensions.FileProviders.Physical (2.2)
      Microsoft.Extensions.FileProviders.Abstractions (>= 2.2)
      Microsoft.Extensions.FileSystemGlobbing (>= 2.2)
    Microsoft.Extensions.FileSystemGlobbing (2.2)
    Microsoft.Extensions.Hosting (2.2)
      Microsoft.Extensions.Configuration (>= 2.2)
      Microsoft.Extensions.DependencyInjection (>= 2.2)
      Microsoft.Extensions.FileProviders.Physical (>= 2.2)
      Microsoft.Extensions.Hosting.Abstractions (>= 2.2)
      Microsoft.Extensions.Logging (>= 2.2)
    Microsoft.Extensions.Hosting.Abstractions (2.2)
      Microsoft.Extensions.Configuration.Abstractions (>= 2.2)
      Microsoft.Extensions.DependencyInjection.Abstractions (>= 2.2)
      Microsoft.Extensions.FileProviders.Abstractions (>= 2.2)
      Microsoft.Extensions.Logging.Abstractions (>= 2.2)
    Microsoft.Extensions.Http (2.2)
      Microsoft.Extensions.DependencyInjection.Abstractions (>= 2.2)
      Microsoft.Extensions.Logging (>= 2.2)
      Microsoft.Extensions.Options (>= 2.2)
    Microsoft.Extensions.Identity.Core (2.2)
      Microsoft.AspNetCore.Cryptography.KeyDerivation (>= 2.2)
      Microsoft.Extensions.Logging (>= 2.2)
      Microsoft.Extensions.Options (>= 2.2)
      System.ComponentModel.Annotations (>= 4.5)
    Microsoft.Extensions.Identity.Stores (2.2)
      Microsoft.Extensions.Identity.Core (>= 2.2)
      Microsoft.Extensions.Logging (>= 2.2)
      System.ComponentModel.Annotations (>= 4.5)
    Microsoft.Extensions.Localization (2.2)
      Microsoft.Extensions.DependencyInjection.Abstractions (>= 2.2)
      Microsoft.Extensions.Localization.Abstractions (>= 2.2)
      Microsoft.Extensions.Logging.Abstractions (>= 2.2)
      Microsoft.Extensions.Options (>= 2.2)
    Microsoft.Extensions.Localization.Abstractions (2.2)
    Microsoft.Extensions.Logging (2.2)
      Microsoft.Extensions.Configuration.Binder (>= 2.2)
      Microsoft.Extensions.DependencyInjection.Abstractions (>= 2.2)
      Microsoft.Extensions.Logging.Abstractions (>= 2.2)
      Microsoft.Extensions.Options (>= 2.2)
    Microsoft.Extensions.Logging.Abstractions (2.2)
    Microsoft.Extensions.Logging.Configuration (2.2)
      Microsoft.Extensions.Logging (>= 2.2)
      Microsoft.Extensions.Options.ConfigurationExtensions (>= 2.2)
    Microsoft.Extensions.Logging.Console (2.2)
      Microsoft.Extensions.Configuration.Abstractions (>= 2.2)
      Microsoft.Extensions.Logging (>= 2.2)
      Microsoft.Extensions.Logging.Configuration (>= 2.2)
    Microsoft.Extensions.Logging.Debug (2.2)
      Microsoft.Extensions.Logging (>= 2.2)
    Microsoft.Extensions.Logging.EventSource (2.2)
      Microsoft.Extensions.Logging (>= 2.2)
      Newtonsoft.Json (>= 11.0.2)
    Microsoft.Extensions.Logging.TraceSource (2.2)
      Microsoft.Extensions.Logging (>= 2.2)
    Microsoft.Extensions.ObjectPool (2.2)
    Microsoft.Extensions.Options (2.2)
      Microsoft.Extensions.DependencyInjection.Abstractions (>= 2.2)
      Microsoft.Extensions.Primitives (>= 2.2)
      System.ComponentModel.Annotations (>= 4.5)
    Microsoft.Extensions.Options.ConfigurationExtensions (2.2)
      Microsoft.Extensions.Configuration.Abstractions (>= 2.2)
      Microsoft.Extensions.Configuration.Binder (>= 2.2)
      Microsoft.Extensions.DependencyInjection.Abstractions (>= 2.2)
      Microsoft.Extensions.Options (>= 2.2)
    Microsoft.Extensions.Options.DataAnnotations (2.2)
      Microsoft.Extensions.DependencyInjection.Abstractions (>= 2.2)
      Microsoft.Extensions.Options (>= 2.2)
      System.ComponentModel.Annotations (>= 4.5)
    Microsoft.Extensions.Primitives (2.2)
      System.Memory (>= 4.5.1)
      System.Runtime.CompilerServices.Unsafe (>= 4.5.1)
    Microsoft.Extensions.WebEncoders (2.2)
      Microsoft.Extensions.DependencyInjection.Abstractions (>= 2.2)
      Microsoft.Extensions.Options (>= 2.2)
      System.Text.Encodings.Web (>= 4.5)
    Microsoft.IdentityModel.JsonWebTokens (5.5)
      Microsoft.IdentityModel.Tokens (>= 5.5)
      Newtonsoft.Json (>= 10.0.1)
    Microsoft.IdentityModel.Logging (5.5)
    Microsoft.IdentityModel.Protocols (5.5)
      Microsoft.IdentityModel.Logging (>= 5.5)
      Microsoft.IdentityModel.Tokens (>= 5.5)
    Microsoft.IdentityModel.Protocols.OpenIdConnect (5.5)
      Microsoft.IdentityModel.Protocols (>= 5.5)
      Newtonsoft.Json (>= 10.0.1)
      System.IdentityModel.Tokens.Jwt (>= 5.5)
    Microsoft.IdentityModel.Protocols.WsFederation (5.5)
      Microsoft.IdentityModel.Protocols (>= 5.5)
      Microsoft.IdentityModel.Tokens.Saml (>= 5.5)
      Microsoft.IdentityModel.Xml (>= 5.5)
      System.Xml.XmlDocument (>= 4.3)
    Microsoft.IdentityModel.Tokens (5.5)
      Microsoft.IdentityModel.Logging (>= 5.5)
      Newtonsoft.Json (>= 10.0.1)
      System.Security.Cryptography.Cng (>= 4.5)
    Microsoft.IdentityModel.Tokens.Saml (5.5)
      Microsoft.IdentityModel.Tokens (>= 5.5)
      Microsoft.IdentityModel.Xml (>= 5.5)
    Microsoft.IdentityModel.Xml (5.5)
      Microsoft.IdentityModel.Tokens (>= 5.5)
    Microsoft.Net.Http.Headers (2.2)
      Microsoft.Extensions.Primitives (>= 2.2)
      System.Buffers (>= 4.5)
    Microsoft.NET.Test.Sdk (16.3)
      Microsoft.CodeCoverage (>= 16.3)
      Microsoft.TestPlatform.TestHost (>= 16.3)
    Microsoft.NETCore.Platforms (3.0)
    Microsoft.NETCore.Targets (3.0)
    Microsoft.TestPlatform.ObjectModel (16.3)
      NuGet.Frameworks (>= 5.0)
    Microsoft.TestPlatform.TestHost (16.3)
      Microsoft.TestPlatform.ObjectModel (>= 16.3)
      Newtonsoft.Json (>= 9.0.1)
    Microsoft.Win32.Registry (4.6)
      System.Security.AccessControl (>= 4.6)
      System.Security.Principal.Windows (>= 4.6)
    NETStandard.Library (2.0.3)
      Microsoft.NETCore.Platforms (>= 1.1)
    Newtonsoft.Json (11.0.2)
    Newtonsoft.Json.Bson (1.0.1)
      NETStandard.Library (>= 1.6.1)
      Newtonsoft.Json (>= 10.0.1)
    NuGet.Frameworks (5.3)
    Remotion.Linq (2.2)
      System.Collections (>= 4.0.11)
      System.Diagnostics.Debug (>= 4.0.11)
      System.Linq (>= 4.1)
      System.Linq.Expressions (>= 4.1)
      System.Linq.Queryable (>= 4.0.1)
      System.ObjectModel (>= 4.0.12)
      System.Reflection (>= 4.1)
      System.Reflection.Extensions (>= 4.0.1)
      System.Runtime (>= 4.1)
      System.Runtime.Extensions (>= 4.1)
      System.Threading (>= 4.0.11)
    runtime.native.System (4.3.1)
      Microsoft.NETCore.Platforms (>= 1.1.1)
      Microsoft.NETCore.Targets (>= 1.1.3)
    runtime.native.System.Data.SqlClient.sni (4.6)
      runtime.win-arm64.runtime.native.System.Data.SqlClient.sni (>= 4.4)
      runtime.win-x64.runtime.native.System.Data.SqlClient.sni (>= 4.4)
      runtime.win-x86.runtime.native.System.Data.SqlClient.sni (>= 4.4)
    runtime.win-arm64.runtime.native.System.Data.SqlClient.sni (4.4)
    runtime.win-x64.runtime.native.System.Data.SqlClient.sni (4.4)
    runtime.win-x86.runtime.native.System.Data.SqlClient.sni (4.4)
    Serilog (2.8)
      System.Collections.NonGeneric (>= 4.3)
    Serilog.AspNetCore (3.0)
      Microsoft.AspNetCore.Hosting.Abstractions (>= 2.0)
      Microsoft.Extensions.DependencyInjection (>= 2.0)
      Microsoft.Extensions.Logging (>= 2.0)
      Serilog (>= 2.8)
      Serilog.Extensions.Hosting (>= 3.0)
      Serilog.Formatting.Compact (>= 1.0)
      Serilog.Settings.Configuration (>= 3.1)
      Serilog.Sinks.Console (>= 3.1.1)
      Serilog.Sinks.Debug (>= 1.0.1)
      Serilog.Sinks.File (>= 4.0)
    Serilog.Extensions.Hosting (3.0)
      Microsoft.Extensions.DependencyInjection.Abstractions (>= 2.1)
      Microsoft.Extensions.Hosting.Abstractions (>= 2.1)
      Microsoft.Extensions.Logging.Abstractions (>= 2.1)
      Serilog (>= 2.8)
      Serilog.Extensions.Logging (>= 3.0.1)
    Serilog.Extensions.Logging (3.0.1)
      Microsoft.Extensions.Logging (>= 2.0)
      Serilog (>= 2.8)
    Serilog.Formatting.Compact (1.0)
      Serilog (>= 2.0)
    Serilog.Settings.Configuration (3.1)
      Microsoft.Extensions.DependencyModel (>= 2.0.4)
      Microsoft.Extensions.Options.ConfigurationExtensions (>= 2.0)
      Serilog (>= 2.6)
    Serilog.Sinks.AzureTableStorage (4.0)
      Serilog (>= 2.3)
      Serilog.Sinks.PeriodicBatching (>= 2.1)
      WindowsAzure.Storage (>= 7.2)
    Serilog.Sinks.Console (3.1.1)
      Serilog (>= 2.5)
      System.Console (>= 4.3)
      System.Runtime.InteropServices (>= 4.3)
      System.Runtime.InteropServices.RuntimeInformation (>= 4.3)
    Serilog.Sinks.Debug (1.0.1)
      Serilog (>= 2.5)
      System.Diagnostics.Debug (>= 4.3)
    Serilog.Sinks.File (4.0)
      Serilog (>= 2.5)
      System.IO (>= 4.1)
      System.IO.FileSystem (>= 4.0.1)
      System.IO.FileSystem.Primitives (>= 4.0.1)
      System.Runtime.InteropServices (>= 4.1)
      System.Text.Encoding.Extensions (>= 4.0.11)
      System.Threading (>= 4.0.11)
      System.Threading.Timer (>= 4.0.1)
    Serilog.Sinks.PeriodicBatching (2.2)
      Serilog (>= 2.0)
      System.Collections.Concurrent (>= 4.0.12)
      System.Threading.Timer (>= 4.0.1)
    System.Buffers (4.5)
    System.Collections (4.3)
      Microsoft.NETCore.Platforms (>= 1.1)
      Microsoft.NETCore.Targets (>= 1.1)
      System.Runtime (>= 4.3)
    System.Collections.Concurrent (4.3)
      System.Collections (>= 4.3)
      System.Diagnostics.Debug (>= 4.3)
      System.Diagnostics.Tracing (>= 4.3)
      System.Globalization (>= 4.3)
      System.Reflection (>= 4.3)
      System.Resources.ResourceManager (>= 4.3)
      System.Runtime (>= 4.3)
      System.Runtime.Extensions (>= 4.3)
      System.Threading (>= 4.3)
      System.Threading.Tasks (>= 4.3)
    System.Collections.Immutable (1.6)
    System.Collections.NonGeneric (4.3)
      System.Diagnostics.Debug (>= 4.3)
      System.Globalization (>= 4.3)
      System.Resources.ResourceManager (>= 4.3)
      System.Runtime (>= 4.3)
      System.Runtime.Extensions (>= 4.3)
      System.Threading (>= 4.3)
    System.ComponentModel.Annotations (4.6)
    System.Console (4.3.1)
      Microsoft.NETCore.Platforms (>= 1.1)
      Microsoft.NETCore.Targets (>= 1.1.2)
      System.IO (>= 4.3)
      System.Runtime (>= 4.3)
      System.Text.Encoding (>= 4.3)
    System.Data.SqlClient (4.7)
      Microsoft.Win32.Registry (>= 4.6)
      runtime.native.System.Data.SqlClient.sni (>= 4.6)
      System.Diagnostics.DiagnosticSource (>= 4.6)
      System.Security.Principal.Windows (>= 4.6)
      System.Text.Encoding.CodePages (>= 4.6)
    System.Diagnostics.Debug (4.3)
      Microsoft.NETCore.Platforms (>= 1.1)
      Microsoft.NETCore.Targets (>= 1.1)
      System.Runtime (>= 4.3)
    System.Diagnostics.DiagnosticSource (4.6)
    System.Diagnostics.Tracing (4.3)
      Microsoft.NETCore.Platforms (>= 1.1)
      Microsoft.NETCore.Targets (>= 1.1)
      System.Runtime (>= 4.3)
    System.Globalization (4.3)
      Microsoft.NETCore.Platforms (>= 1.1)
      Microsoft.NETCore.Targets (>= 1.1)
      System.Runtime (>= 4.3)
    System.IdentityModel.Tokens.Jwt (5.5)
      Microsoft.IdentityModel.JsonWebTokens (>= 5.5)
      Microsoft.IdentityModel.Tokens (>= 5.5)
      Newtonsoft.Json (>= 10.0.1)
    System.Interactive.Async (4.0)
      System.Linq.Async (>= 4.0)
    System.IO (4.3)
      Microsoft.NETCore.Platforms (>= 1.1)
      Microsoft.NETCore.Targets (>= 1.1)
      System.Runtime (>= 4.3)
      System.Text.Encoding (>= 4.3)
      System.Threading.Tasks (>= 4.3)
    System.IO.FileSystem (4.3)
      Microsoft.NETCore.Platforms (>= 1.1)
      Microsoft.NETCore.Targets (>= 1.1)
      System.IO (>= 4.3)
      System.IO.FileSystem.Primitives (>= 4.3)
      System.Runtime (>= 4.3)
      System.Runtime.Handles (>= 4.3)
      System.Text.Encoding (>= 4.3)
      System.Threading.Tasks (>= 4.3)
    System.IO.FileSystem.Primitives (4.3)
      System.Runtime (>= 4.3)
    System.IO.Pipelines (4.6)
    System.Linq (4.3)
      System.Collections (>= 4.3)
      System.Diagnostics.Debug (>= 4.3)
      System.Resources.ResourceManager (>= 4.3)
      System.Runtime (>= 4.3)
      System.Runtime.Extensions (>= 4.3)
    System.Linq.Async (4.0)
      Microsoft.Bcl.AsyncInterfaces (>= 1.0)
    System.Linq.Expressions (4.3)
      System.Collections (>= 4.3)
      System.Diagnostics.Debug (>= 4.3)
      System.Globalization (>= 4.3)
      System.IO (>= 4.3)
      System.Linq (>= 4.3)
      System.ObjectModel (>= 4.3)
      System.Reflection (>= 4.3)
      System.Reflection.Emit (>= 4.3)
      System.Reflection.Emit.ILGeneration (>= 4.3)
      System.Reflection.Emit.Lightweight (>= 4.3)
      System.Reflection.Extensions (>= 4.3)
      System.Reflection.Primitives (>= 4.3)
      System.Reflection.TypeExtensions (>= 4.3)
      System.Resources.ResourceManager (>= 4.3)
      System.Runtime (>= 4.3)
      System.Runtime.Extensions (>= 4.3)
      System.Threading (>= 4.3)
    System.Linq.Queryable (4.3)
      System.Collections (>= 4.3)
      System.Diagnostics.Debug (>= 4.3)
      System.Linq (>= 4.3)
      System.Linq.Expressions (>= 4.3)
      System.Reflection (>= 4.3)
      System.Reflection.Extensions (>= 4.3)
      System.Resources.ResourceManager (>= 4.3)
      System.Runtime (>= 4.3)
    System.Memory (4.5.3)
    System.Net.WebSockets.WebSocketProtocol (4.6)
    System.Numerics.Vectors (4.5)
    System.ObjectModel (4.3)
      System.Collections (>= 4.3)
      System.Diagnostics.Debug (>= 4.3)
      System.Resources.ResourceManager (>= 4.3)
      System.Runtime (>= 4.3)
      System.Threading (>= 4.3)
    System.Reflection (4.3)
      Microsoft.NETCore.Platforms (>= 1.1)
      Microsoft.NETCore.Targets (>= 1.1)
      System.IO (>= 4.3)
      System.Reflection.Primitives (>= 4.3)
      System.Runtime (>= 4.3)
    System.Reflection.Emit (4.6)
    System.Reflection.Emit.ILGeneration (4.6)
    System.Reflection.Emit.Lightweight (4.6)
    System.Reflection.Extensions (4.3)
      Microsoft.NETCore.Platforms (>= 1.1)
      Microsoft.NETCore.Targets (>= 1.1)
      System.Reflection (>= 4.3)
      System.Runtime (>= 4.3)
    System.Reflection.Metadata (1.7)
      System.Collections.Immutable (>= 1.6)
    System.Reflection.Primitives (4.3)
      Microsoft.NETCore.Platforms (>= 1.1)
      Microsoft.NETCore.Targets (>= 1.1)
      System.Runtime (>= 4.3)
    System.Reflection.TypeExtensions (4.6)
    System.Resources.ResourceManager (4.3)
      Microsoft.NETCore.Platforms (>= 1.1)
      Microsoft.NETCore.Targets (>= 1.1)
      System.Globalization (>= 4.3)
      System.Reflection (>= 4.3)
      System.Runtime (>= 4.3)
    System.Runtime (4.3.1)
      Microsoft.NETCore.Platforms (>= 1.1.1)
      Microsoft.NETCore.Targets (>= 1.1.3)
    System.Runtime.CompilerServices.Unsafe (4.6)
    System.Runtime.Extensions (4.3.1)
      Microsoft.NETCore.Platforms (>= 1.1.1)
      Microsoft.NETCore.Targets (>= 1.1.3)
      System.Runtime (>= 4.3.1)
    System.Runtime.Handles (4.3)
      Microsoft.NETCore.Platforms (>= 1.1)
      Microsoft.NETCore.Targets (>= 1.1)
      System.Runtime (>= 4.3)
    System.Runtime.InteropServices (4.3)
      Microsoft.NETCore.Platforms (>= 1.1)
      Microsoft.NETCore.Targets (>= 1.1)
      System.Reflection (>= 4.3)
      System.Reflection.Primitives (>= 4.3)
      System.Runtime (>= 4.3)
      System.Runtime.Handles (>= 4.3)
    System.Runtime.InteropServices.RuntimeInformation (4.3)
      runtime.native.System (>= 4.3)
      System.Reflection (>= 4.3)
      System.Reflection.Extensions (>= 4.3)
      System.Resources.ResourceManager (>= 4.3)
      System.Runtime (>= 4.3)
      System.Runtime.InteropServices (>= 4.3)
      System.Threading (>= 4.3)
    System.Security.AccessControl (4.6)
      Microsoft.NETCore.Platforms (>= 3.0)
      System.Security.Principal.Windows (>= 4.6)
    System.Security.Cryptography.Cng (4.6)
    System.Security.Cryptography.Pkcs (4.6)
      System.Security.Cryptography.Cng (>= 4.6)
    System.Security.Cryptography.Xml (4.6)
      System.Security.Cryptography.Pkcs (>= 4.6)
      System.Security.Permissions (>= 4.6)
    System.Security.Permissions (4.6)
      System.Security.AccessControl (>= 4.6)
    System.Security.Principal.Windows (4.6)
      Microsoft.NETCore.Platforms (>= 3.0)
    System.Text.Encoding (4.3)
      Microsoft.NETCore.Platforms (>= 1.1)
      Microsoft.NETCore.Targets (>= 1.1)
      System.Runtime (>= 4.3)
    System.Text.Encoding.CodePages (4.6)
      Microsoft.NETCore.Platforms (>= 3.0)
      System.Runtime.CompilerServices.Unsafe (>= 4.6)
    System.Text.Encoding.Extensions (4.3)
      Microsoft.NETCore.Platforms (>= 1.1)
      Microsoft.NETCore.Targets (>= 1.1)
      System.Runtime (>= 4.3)
      System.Text.Encoding (>= 4.3)
    System.Text.Encodings.Web (4.6)
    System.Text.Json (4.6)
      Microsoft.Bcl.AsyncInterfaces (>= 1.0)
      System.Runtime.CompilerServices.Unsafe (>= 4.6)
      System.Text.Encodings.Web (>= 4.6)
    System.Text.RegularExpressions (4.3.1)
      System.Runtime (>= 4.3.1)
    System.Threading (4.3)
      System.Runtime (>= 4.3)
      System.Threading.Tasks (>= 4.3)
    System.Threading.Channels (4.6)
    System.Threading.Tasks (4.3)
      Microsoft.NETCore.Platforms (>= 1.1)
      Microsoft.NETCore.Targets (>= 1.1)
      System.Runtime (>= 4.3)
    System.Threading.Tasks.Extensions (4.5.3)
    System.Threading.Timer (4.3)
      Microsoft.NETCore.Platforms (>= 1.1)
      Microsoft.NETCore.Targets (>= 1.1)
      System.Runtime (>= 4.3)
    System.ValueTuple (4.5)
    System.Xml.ReaderWriter (4.3.1)
      System.Collections (>= 4.3)
      System.Diagnostics.Debug (>= 4.3)
      System.Globalization (>= 4.3)
      System.IO (>= 4.3)
      System.IO.FileSystem (>= 4.3)
      System.IO.FileSystem.Primitives (>= 4.3)
      System.Resources.ResourceManager (>= 4.3)
      System.Runtime (>= 4.3)
      System.Runtime.Extensions (>= 4.3)
      System.Runtime.InteropServices (>= 4.3)
      System.Text.Encoding (>= 4.3)
      System.Text.Encoding.Extensions (>= 4.3)
      System.Text.RegularExpressions (>= 4.3)
      System.Threading.Tasks (>= 4.3)
      System.Threading.Tasks.Extensions (>= 4.3)
    System.Xml.XmlDocument (4.3)
      System.Collections (>= 4.3)
      System.Diagnostics.Debug (>= 4.3)
      System.Globalization (>= 4.3)
      System.IO (>= 4.3)
      System.Resources.ResourceManager (>= 4.3)
      System.Runtime (>= 4.3)
      System.Runtime.Extensions (>= 4.3)
      System.Text.Encoding (>= 4.3)
      System.Threading (>= 4.3)
      System.Xml.ReaderWriter (>= 4.3)
    System.Xml.XmlSerializer (4.3)
      System.Collections (>= 4.3)
      System.Globalization (>= 4.3)
      System.IO (>= 4.3)
      System.Linq (>= 4.3)
      System.Reflection (>= 4.3)
      System.Reflection.Emit (>= 4.3)
      System.Reflection.Emit.ILGeneration (>= 4.3)
      System.Reflection.Extensions (>= 4.3)
      System.Reflection.Primitives (>= 4.3)
      System.Reflection.TypeExtensions (>= 4.3)
      System.Resources.ResourceManager (>= 4.3)
      System.Runtime (>= 4.3)
      System.Runtime.Extensions (>= 4.3)
      System.Text.RegularExpressions (>= 4.3)
      System.Threading (>= 4.3)
      System.Xml.ReaderWriter (>= 4.3)
      System.Xml.XmlDocument (>= 4.3)
    TaskBuilder.fs (2.1)
      FSharp.Core (>= 4.1.17)
      NETStandard.Library (>= 1.6.1)
      System.ValueTuple (>= 4.4)
    Utf8Json (1.3.7)
      System.Reflection.Emit (>= 4.3)
      System.Reflection.Emit.Lightweight (>= 4.3)
      System.Threading.Tasks.Extensions (>= 4.4)
      System.ValueTuple (>= 4.4)
    WindowsAzure.Storage (9.3.3)
      NETStandard.Library (>= 1.6.1)
      Newtonsoft.Json (>= 10.0.2)
    xunit (2.4.1)
      xunit.analyzers (>= 0.10)
      xunit.assert (2.4.1)
      xunit.core (2.4.1)
    xunit.abstractions (2.0.3)
    xunit.analyzers (0.10)
    xunit.assert (2.4.1)
      NETStandard.Library (>= 1.6.1)
    xunit.core (2.4.1)
      xunit.extensibility.core (2.4.1)
      xunit.extensibility.execution (2.4.1)
    xunit.extensibility.core (2.4.1)
      NETStandard.Library (>= 1.6.1)
      xunit.abstractions (>= 2.0.3)
    xunit.extensibility.execution (2.4.1)
      NETStandard.Library (>= 1.6.1)
      xunit.extensibility.core (2.4.1)
    xunit.runner.visualstudio (2.4.1)
      Microsoft.NET.Test.Sdk (>= 15.0)

GROUP azfunc
STORAGE: NONE
RESTRICTION: == netcoreapp2.2
NUGET
  remote: https://api.nuget.org/v3/index.json
    Dynamitey (2.0.10.189)
      Microsoft.CSharp (>= 4.6)
      System.ComponentModel (>= 4.3)
    ImpromptuInterface (7.0.1)
      Dynamitey (>= 2.0.9.136)
      Microsoft.CSharp (>= 4.4.1)
      System.Reflection.Emit (>= 4.3)
    Microsoft.AspNet.WebApi.Client (5.2.7)
      Newtonsoft.Json (>= 10.0.1)
      Newtonsoft.Json.Bson (>= 1.0.1)
    Microsoft.AspNetCore.Authentication.Abstractions (2.2)
      Microsoft.AspNetCore.Http.Abstractions (>= 2.2)
      Microsoft.Extensions.Logging.Abstractions (>= 2.2)
      Microsoft.Extensions.Options (>= 2.2)
    Microsoft.AspNetCore.Authentication.Core (2.2)
      Microsoft.AspNetCore.Authentication.Abstractions (>= 2.2)
      Microsoft.AspNetCore.Http (>= 2.2)
      Microsoft.AspNetCore.Http.Extensions (>= 2.2)
    Microsoft.AspNetCore.Authorization (3.0)
      Microsoft.AspNetCore.Metadata (>= 3.0)
      Microsoft.Extensions.Logging.Abstractions (>= 3.0)
      Microsoft.Extensions.Options (>= 3.0)
    Microsoft.AspNetCore.Authorization.Policy (2.2)
      Microsoft.AspNetCore.Authentication.Abstractions (>= 2.2)
      Microsoft.AspNetCore.Authorization (>= 2.2)
    Microsoft.AspNetCore.Hosting.Abstractions (2.2)
      Microsoft.AspNetCore.Hosting.Server.Abstractions (>= 2.2)
      Microsoft.AspNetCore.Http.Abstractions (>= 2.2)
      Microsoft.Extensions.Hosting.Abstractions (>= 2.2)
    Microsoft.AspNetCore.Hosting.Server.Abstractions (2.2)
      Microsoft.AspNetCore.Http.Features (>= 2.2)
      Microsoft.Extensions.Configuration.Abstractions (>= 2.2)
    Microsoft.AspNetCore.Http (2.2.2)
      Microsoft.AspNetCore.Http.Abstractions (>= 2.2)
      Microsoft.AspNetCore.WebUtilities (>= 2.2)
      Microsoft.Extensions.ObjectPool (>= 2.2)
      Microsoft.Extensions.Options (>= 2.2)
      Microsoft.Net.Http.Headers (>= 2.2)
    Microsoft.AspNetCore.Http.Abstractions (2.2)
      Microsoft.AspNetCore.Http.Features (>= 2.2)
      System.Text.Encodings.Web (>= 4.5)
    Microsoft.AspNetCore.Http.Extensions (2.2)
      Microsoft.AspNetCore.Http.Abstractions (>= 2.2)
      Microsoft.Extensions.FileProviders.Abstractions (>= 2.2)
      Microsoft.Net.Http.Headers (>= 2.2)
      System.Buffers (>= 4.5)
    Microsoft.AspNetCore.Http.Features (3.0)
      Microsoft.Extensions.Primitives (>= 3.0)
      System.IO.Pipelines (>= 4.6)
    Microsoft.AspNetCore.JsonPatch (2.2)
      Microsoft.CSharp (>= 4.5)
      Newtonsoft.Json (>= 11.0.2)
    Microsoft.AspNetCore.Metadata (3.0)
    Microsoft.AspNetCore.Mvc.Abstractions (2.2)
      Microsoft.AspNetCore.Routing.Abstractions (>= 2.2)
      Microsoft.Net.Http.Headers (>= 2.2)
    Microsoft.AspNetCore.Mvc.Core (2.2.5)
      Microsoft.AspNetCore.Authentication.Core (>= 2.2)
      Microsoft.AspNetCore.Authorization.Policy (>= 2.2)
      Microsoft.AspNetCore.Hosting.Abstractions (>= 2.2)
      Microsoft.AspNetCore.Http (>= 2.2)
      Microsoft.AspNetCore.Http.Extensions (>= 2.2)
      Microsoft.AspNetCore.Mvc.Abstractions (>= 2.2)
      Microsoft.AspNetCore.ResponseCaching.Abstractions (>= 2.2)
      Microsoft.AspNetCore.Routing (>= 2.2)
      Microsoft.AspNetCore.Routing.Abstractions (>= 2.2)
      Microsoft.Extensions.DependencyInjection (>= 2.2)
      Microsoft.Extensions.DependencyModel (>= 2.1)
      Microsoft.Extensions.FileProviders.Abstractions (>= 2.2)
      Microsoft.Extensions.Logging.Abstractions (>= 2.2)
      System.Diagnostics.DiagnosticSource (>= 4.5)
      System.Threading.Tasks.Extensions (>= 4.5.1)
    Microsoft.AspNetCore.Mvc.Formatters.Json (2.2)
      Microsoft.AspNetCore.JsonPatch (>= 2.2)
      Microsoft.AspNetCore.Mvc.Core (>= 2.2)
    Microsoft.AspNetCore.Mvc.WebApiCompatShim (2.2)
      Microsoft.AspNet.WebApi.Client (>= 5.2.6)
      Microsoft.AspNetCore.Mvc.Core (>= 2.2)
      Microsoft.AspNetCore.Mvc.Formatters.Json (>= 2.2)
      Microsoft.AspNetCore.WebUtilities (>= 2.2)
    Microsoft.AspNetCore.ResponseCaching.Abstractions (2.2)
      Microsoft.Extensions.Primitives (>= 2.2)
    Microsoft.AspNetCore.Routing (2.2.2)
      Microsoft.AspNetCore.Http.Extensions (>= 2.2)
      Microsoft.AspNetCore.Routing.Abstractions (>= 2.2)
      Microsoft.Extensions.Logging.Abstractions (>= 2.2)
      Microsoft.Extensions.ObjectPool (>= 2.2)
      Microsoft.Extensions.Options (>= 2.2)
    Microsoft.AspNetCore.Routing.Abstractions (2.2)
      Microsoft.AspNetCore.Http.Abstractions (>= 2.2)
    Microsoft.AspNetCore.WebUtilities (2.2)
      Microsoft.Net.Http.Headers (>= 2.2)
      System.Text.Encodings.Web (>= 4.5)
    Microsoft.Azure.Cosmos.Table (1.0.5)
      Microsoft.Azure.DocumentDB.Core (>= 2.1.3 <= 2.4.2)
      Microsoft.OData.Core (>= 7.5)
      Newtonsoft.Json (>= 10.0.2)
    Microsoft.Azure.DocumentDB.Core (2.4.2)
      NETStandard.Library (>= 1.6)
      Newtonsoft.Json (>= 9.0.1)
      System.Collections.Immutable (>= 1.3)
      System.Collections.NonGeneric (>= 4.0.1)
      System.Collections.Specialized (>= 4.0.1)
      System.Diagnostics.TraceSource (>= 4.0)
      System.Dynamic.Runtime (>= 4.0.11)
      System.Linq.Queryable (>= 4.0.1)
      System.Net.Http (>= 4.3.4)
      System.Net.NameResolution (>= 4.0)
      System.Net.NetworkInformation (>= 4.1)
      System.Net.Requests (>= 4.0.11)
      System.Net.Security (>= 4.3.2)
      System.Net.WebHeaderCollection (>= 4.0.1)
      System.Runtime.Serialization.Primitives (>= 4.1.1)
      System.Security.SecureString (>= 4.0)
    Microsoft.Azure.DurableTask.AzureStorage (1.6.4)
      Microsoft.Azure.DurableTask.Core (>= 2.1.3)
      Newtonsoft.Json (>= 11.0.2)
      WindowsAzure.Storage (>= 9.3.3)
    Microsoft.Azure.DurableTask.Core (2.1.3)
      ImpromptuInterface (>= 7.0.1)
      Newtonsoft.Json (>= 11.0.2)
    Microsoft.Azure.KeyVault.Core (3.0.4)
      Microsoft.Rest.ClientRuntime (>= 2.3.20 < 3.0)
      Microsoft.Rest.ClientRuntime.Azure (>= 3.3.18 < 4.0)
      Newtonsoft.Json (>= 10.0.3)
      System.Net.Http (>= 4.3.4)
    Microsoft.Azure.Storage.Common (11.1)
      Microsoft.Azure.KeyVault.Core (>= 2.0.4)
      NETStandard.Library (>= 2.0.1)
      Newtonsoft.Json (>= 10.0.2)
    Microsoft.Azure.Storage.Queue (11.1)
      Microsoft.Azure.Storage.Common (>= 11.1)
      NETStandard.Library (>= 2.0.1)
    Microsoft.Azure.WebJobs (3.0.13)
      Microsoft.Azure.WebJobs.Core (>= 3.0.13)
      Microsoft.Extensions.Configuration (>= 2.1)
      Microsoft.Extensions.Configuration.Abstractions (>= 2.1)
      Microsoft.Extensions.Configuration.EnvironmentVariables (>= 2.1)
      Microsoft.Extensions.Configuration.Json (>= 2.1)
      Microsoft.Extensions.Hosting (>= 2.1)
      Microsoft.Extensions.Logging (>= 2.1)
      Microsoft.Extensions.Logging.Abstractions (>= 2.1)
      Microsoft.Extensions.Logging.Configuration (>= 2.1)
      Newtonsoft.Json (>= 11.0.2)
      System.Threading.Tasks.Dataflow (>= 4.8)
    Microsoft.Azure.WebJobs.Core (3.0.13)
      System.ComponentModel.Annotations (>= 4.4)
      System.Diagnostics.TraceSource (>= 4.3)
    Microsoft.Azure.WebJobs.Extensions (3.0.2)
      Microsoft.Azure.WebJobs (>= 3.0.4)
      Microsoft.Azure.WebJobs.Host.Storage (>= 3.0.2)
      ncrontab.signed (>= 3.3)
    Microsoft.Azure.WebJobs.Extensions.DurableTask (1.8.3)
      Microsoft.Azure.DurableTask.AzureStorage (>= 1.6.3)
      Microsoft.Azure.WebJobs (>= 3.0)
    Microsoft.Azure.WebJobs.Extensions.Http (3.0.2)
      Microsoft.AspNet.WebApi.Client (>= 5.2.4)
      Microsoft.AspNetCore.Http (>= 2.1)
      Microsoft.AspNetCore.Mvc.Formatters.Json (>= 2.1)
      Microsoft.AspNetCore.Mvc.WebApiCompatShim (>= 2.1)
      Microsoft.AspNetCore.Routing (>= 2.1)
      Microsoft.Azure.WebJobs (>= 3.0.2)
    Microsoft.Azure.WebJobs.Extensions.Storage (3.0.8)
      Microsoft.Azure.WebJobs (>= 3.0.12)
      WindowsAzure.Storage (>= 9.3.1)
    Microsoft.Azure.WebJobs.Host.Storage (3.0.13)
      Microsoft.Azure.WebJobs (>= 3.0.13)
      WindowsAzure.Storage (>= 9.3.1)
    Microsoft.Azure.WebJobs.Script.ExtensionsMetadataGenerator (1.1.2)
      Microsoft.Build.Framework (>= 15.3.409)
      Microsoft.Build.Utilities.Core (>= 15.3.409)
      System.Runtime.Loader (>= 4.3)
    Microsoft.Bcl.AsyncInterfaces (1.0)
    Microsoft.Build.Framework (16.3)
      System.Runtime.Serialization.Primitives (>= 4.1.1)
      System.Threading.Thread (>= 4.0)
    Microsoft.Build.Utilities.Core (16.3)
      Microsoft.Build.Framework (>= 16.3)
      Microsoft.Win32.Registry (>= 4.3)
      System.Collections.Immutable (>= 1.5)
      System.Text.Encoding.CodePages (>= 4.0.1)
    Microsoft.CSharp (4.6)
    Microsoft.Extensions.Configuration (3.0)
      Microsoft.Extensions.Configuration.Abstractions (>= 3.0)
    Microsoft.Extensions.Configuration.Abstractions (3.0)
      Microsoft.Extensions.Primitives (>= 3.0)
    Microsoft.Extensions.Configuration.Binder (3.0)
      Microsoft.Extensions.Configuration (>= 3.0)
    Microsoft.Extensions.Configuration.CommandLine (3.0)
      Microsoft.Extensions.Configuration (>= 3.0)
    Microsoft.Extensions.Configuration.EnvironmentVariables (3.0)
      Microsoft.Extensions.Configuration (>= 3.0)
    Microsoft.Extensions.Configuration.FileExtensions (3.0)
      Microsoft.Extensions.Configuration (>= 3.0)
      Microsoft.Extensions.FileProviders.Physical (>= 3.0)
    Microsoft.Extensions.Configuration.Json (3.0)
      Microsoft.Extensions.Configuration (>= 3.0)
      Microsoft.Extensions.Configuration.FileExtensions (>= 3.0)
      System.Text.Json (>= 4.6)
      System.Threading.Tasks.Extensions (>= 4.5.2)
    Microsoft.Extensions.Configuration.UserSecrets (3.0)
      Microsoft.Extensions.Configuration.Json (>= 3.0)
    Microsoft.Extensions.DependencyInjection (3.0)
      Microsoft.Extensions.DependencyInjection.Abstractions (>= 3.0)
    Microsoft.Extensions.DependencyInjection.Abstractions (3.0)
    Microsoft.Extensions.DependencyModel (3.0)
      System.Text.Json (>= 4.6)
    Microsoft.Extensions.FileProviders.Abstractions (3.0)
      Microsoft.Extensions.Primitives (>= 3.0)
    Microsoft.Extensions.FileProviders.Physical (3.0)
      Microsoft.Extensions.FileProviders.Abstractions (>= 3.0)
      Microsoft.Extensions.FileSystemGlobbing (>= 3.0)
    Microsoft.Extensions.FileSystemGlobbing (3.0)
    Microsoft.Extensions.Hosting (3.0)
      Microsoft.Extensions.Configuration (>= 3.0)
      Microsoft.Extensions.Configuration.CommandLine (>= 3.0)
      Microsoft.Extensions.Configuration.EnvironmentVariables (>= 3.0)
      Microsoft.Extensions.Configuration.UserSecrets (>= 3.0)
      Microsoft.Extensions.DependencyInjection (>= 3.0)
      Microsoft.Extensions.FileProviders.Physical (>= 3.0)
      Microsoft.Extensions.Hosting.Abstractions (>= 3.0)
      Microsoft.Extensions.Logging (>= 3.0)
      Microsoft.Extensions.Logging.Console (>= 3.0)
      Microsoft.Extensions.Logging.Debug (>= 3.0)
      Microsoft.Extensions.Logging.EventLog (>= 3.0)
      Microsoft.Extensions.Logging.EventSource (>= 3.0)
    Microsoft.Extensions.Hosting.Abstractions (3.0)
      Microsoft.Extensions.Configuration.Abstractions (>= 3.0)
      Microsoft.Extensions.DependencyInjection.Abstractions (>= 3.0)
      Microsoft.Extensions.FileProviders.Abstractions (>= 3.0)
      Microsoft.Extensions.Logging.Abstractions (>= 3.0)
    Microsoft.Extensions.Logging (3.0)
      Microsoft.Extensions.Configuration.Binder (>= 3.0)
      Microsoft.Extensions.DependencyInjection (>= 3.0)
      Microsoft.Extensions.Logging.Abstractions (>= 3.0)
      Microsoft.Extensions.Options (>= 3.0)
    Microsoft.Extensions.Logging.Abstractions (3.0)
    Microsoft.Extensions.Logging.Configuration (3.0)
      Microsoft.Extensions.Logging (>= 3.0)
      Microsoft.Extensions.Options.ConfigurationExtensions (>= 3.0)
    Microsoft.Extensions.Logging.Console (3.0)
      Microsoft.Extensions.Configuration.Abstractions (>= 3.0)
      Microsoft.Extensions.Logging (>= 3.0)
      Microsoft.Extensions.Logging.Configuration (>= 3.0)
    Microsoft.Extensions.Logging.Debug (3.0)
      Microsoft.Extensions.Logging (>= 3.0)
    Microsoft.Extensions.Logging.EventLog (3.0)
      Microsoft.Extensions.Logging (>= 3.0)
      System.Diagnostics.EventLog (>= 4.6)
    Microsoft.Extensions.Logging.EventSource (3.0)
      Microsoft.Extensions.Logging (>= 3.0)
      System.Text.Json (>= 4.6)
      System.Threading.Tasks.Extensions (>= 4.5.2)
    Microsoft.Extensions.ObjectPool (3.0)
    Microsoft.Extensions.Options (3.0)
      Microsoft.Extensions.DependencyInjection.Abstractions (>= 3.0)
      Microsoft.Extensions.Primitives (>= 3.0)
      System.ComponentModel.Annotations (>= 4.6)
    Microsoft.Extensions.Options.ConfigurationExtensions (3.0)
      Microsoft.Extensions.Configuration.Abstractions (>= 3.0)
      Microsoft.Extensions.Configuration.Binder (>= 3.0)
      Microsoft.Extensions.DependencyInjection.Abstractions (>= 3.0)
      Microsoft.Extensions.Options (>= 3.0)
    Microsoft.Extensions.Primitives (3.0)
      System.Memory (>= 4.5.2)
      System.Runtime.CompilerServices.Unsafe (>= 4.6)
    Microsoft.Net.Http.Headers (2.2)
      Microsoft.Extensions.Primitives (>= 2.2)
      System.Buffers (>= 4.5)
    Microsoft.NET.Sdk.Functions (1.0.29)
      Microsoft.Azure.WebJobs (>= 3.0 < 3.1)
      Microsoft.Azure.WebJobs.Extensions (>= 3.0 < 3.1)
      Microsoft.Azure.WebJobs.Extensions.Http (>= 3.0 < 3.1)
      Microsoft.Azure.WebJobs.Script.ExtensionsMetadataGenerator (>= 1.1.2)
      Newtonsoft.Json (11.0.2)
    Microsoft.NETCore.Platforms (3.0)
    Microsoft.NETCore.Targets (3.0)
    Microsoft.OData.Core (7.6.1)
      Microsoft.OData.Edm (7.6.1)
      Microsoft.Spatial (7.6.1)
    Microsoft.OData.Edm (7.6.1)
    Microsoft.Rest.ClientRuntime (2.3.20)
      Newtonsoft.Json (>= 10.0.3)
    Microsoft.Rest.ClientRuntime.Azure (3.3.19)
      Microsoft.Rest.ClientRuntime (>= 2.3.19 < 3.0)
      Newtonsoft.Json (>= 10.0.3)
    Microsoft.Spatial (7.6.1)
    Microsoft.Win32.Primitives (4.3)
      Microsoft.NETCore.Platforms (>= 1.1)
      Microsoft.NETCore.Targets (>= 1.1)
      System.Runtime (>= 4.3)
    Microsoft.Win32.Registry (4.6)
      System.Security.AccessControl (>= 4.6)
      System.Security.Principal.Windows (>= 4.6)
    ncrontab.signed (3.3.2)
    NETStandard.Library (2.0.3)
      Microsoft.NETCore.Platforms (>= 1.1)
    Newtonsoft.Json (11.0.2)
    Newtonsoft.Json.Bson (1.0.1)
      NETStandard.Library (>= 1.6.1)
      Newtonsoft.Json (>= 10.0.1)
    runtime.debian.8-x64.runtime.native.System.Security.Cryptography.OpenSsl (4.3.3)
    runtime.debian.9-x64.runtime.native.System.Security.Cryptography.OpenSsl (4.3.3)
    runtime.fedora.23-x64.runtime.native.System.Security.Cryptography.OpenSsl (4.3.3)
    runtime.fedora.24-x64.runtime.native.System.Security.Cryptography.OpenSsl (4.3.3)
    runtime.fedora.27-x64.runtime.native.System.Security.Cryptography.OpenSsl (4.3.3)
    runtime.fedora.28-x64.runtime.native.System.Security.Cryptography.OpenSsl (4.3.3)
    runtime.native.System (4.3.1)
      Microsoft.NETCore.Platforms (>= 1.1.1)
      Microsoft.NETCore.Targets (>= 1.1.3)
    runtime.native.System.Net.Http (4.3.1)
      Microsoft.NETCore.Platforms (>= 1.1.1)
      Microsoft.NETCore.Targets (>= 1.1.3)
    runtime.native.System.Net.Security (4.3.1)
      Microsoft.NETCore.Platforms (>= 1.1.1)
      Microsoft.NETCore.Targets (>= 1.1.3)
    runtime.native.System.Security.Cryptography.Apple (4.3.1)
      runtime.osx.10.10-x64.runtime.native.System.Security.Cryptography.Apple (>= 4.3.1)
    runtime.native.System.Security.Cryptography.OpenSsl (4.3.3)
      runtime.debian.8-x64.runtime.native.System.Security.Cryptography.OpenSsl (>= 4.3.3)
      runtime.debian.9-x64.runtime.native.System.Security.Cryptography.OpenSsl (>= 4.3.3)
      runtime.fedora.23-x64.runtime.native.System.Security.Cryptography.OpenSsl (>= 4.3.3)
      runtime.fedora.24-x64.runtime.native.System.Security.Cryptography.OpenSsl (>= 4.3.3)
      runtime.fedora.27-x64.runtime.native.System.Security.Cryptography.OpenSsl (>= 4.3.3)
      runtime.fedora.28-x64.runtime.native.System.Security.Cryptography.OpenSsl (>= 4.3.3)
      runtime.opensuse.13.2-x64.runtime.native.System.Security.Cryptography.OpenSsl (>= 4.3.3)
      runtime.opensuse.42.1-x64.runtime.native.System.Security.Cryptography.OpenSsl (>= 4.3.3)
      runtime.opensuse.42.3-x64.runtime.native.System.Security.Cryptography.OpenSsl (>= 4.3.3)
      runtime.osx.10.10-x64.runtime.native.System.Security.Cryptography.OpenSsl (>= 4.3.3)
      runtime.rhel.7-x64.runtime.native.System.Security.Cryptography.OpenSsl (>= 4.3.3)
      runtime.ubuntu.14.04-x64.runtime.native.System.Security.Cryptography.OpenSsl (>= 4.3.3)
      runtime.ubuntu.16.04-x64.runtime.native.System.Security.Cryptography.OpenSsl (>= 4.3.3)
      runtime.ubuntu.16.10-x64.runtime.native.System.Security.Cryptography.OpenSsl (>= 4.3.3)
      runtime.ubuntu.18.04-x64.runtime.native.System.Security.Cryptography.OpenSsl (>= 4.3.3)
    runtime.opensuse.13.2-x64.runtime.native.System.Security.Cryptography.OpenSsl (4.3.3)
    runtime.opensuse.42.1-x64.runtime.native.System.Security.Cryptography.OpenSsl (4.3.3)
    runtime.opensuse.42.3-x64.runtime.native.System.Security.Cryptography.OpenSsl (4.3.3)
    runtime.osx.10.10-x64.runtime.native.System.Security.Cryptography.Apple (4.3.1)
    runtime.osx.10.10-x64.runtime.native.System.Security.Cryptography.OpenSsl (4.3.3)
    runtime.rhel.7-x64.runtime.native.System.Security.Cryptography.OpenSsl (4.3.3)
    runtime.ubuntu.14.04-x64.runtime.native.System.Security.Cryptography.OpenSsl (4.3.3)
    runtime.ubuntu.16.04-x64.runtime.native.System.Security.Cryptography.OpenSsl (4.3.3)
    runtime.ubuntu.16.10-x64.runtime.native.System.Security.Cryptography.OpenSsl (4.3.3)
    runtime.ubuntu.18.04-x64.runtime.native.System.Security.Cryptography.OpenSsl (4.3.3)
    System.Buffers (4.5)
    System.Collections (4.3)
      Microsoft.NETCore.Platforms (>= 1.1)
      Microsoft.NETCore.Targets (>= 1.1)
      System.Runtime (>= 4.3)
    System.Collections.Concurrent (4.3)
      System.Collections (>= 4.3)
      System.Diagnostics.Debug (>= 4.3)
      System.Diagnostics.Tracing (>= 4.3)
      System.Globalization (>= 4.3)
      System.Reflection (>= 4.3)
      System.Resources.ResourceManager (>= 4.3)
      System.Runtime (>= 4.3)
      System.Runtime.Extensions (>= 4.3)
      System.Threading (>= 4.3)
      System.Threading.Tasks (>= 4.3)
    System.Collections.Immutable (1.6)
    System.Collections.NonGeneric (4.3)
      System.Diagnostics.Debug (>= 4.3)
      System.Globalization (>= 4.3)
      System.Resources.ResourceManager (>= 4.3)
      System.Runtime (>= 4.3)
      System.Runtime.Extensions (>= 4.3)
      System.Threading (>= 4.3)
    System.Collections.Specialized (4.3)
      System.Collections.NonGeneric (>= 4.3)
      System.Globalization (>= 4.3)
      System.Globalization.Extensions (>= 4.3)
      System.Resources.ResourceManager (>= 4.3)
      System.Runtime (>= 4.3)
      System.Runtime.Extensions (>= 4.3)
      System.Threading (>= 4.3)
    System.ComponentModel (4.3)
      System.Runtime (>= 4.3)
    System.ComponentModel.Annotations (4.6)
    System.Diagnostics.Debug (4.3)
      Microsoft.NETCore.Platforms (>= 1.1)
      Microsoft.NETCore.Targets (>= 1.1)
      System.Runtime (>= 4.3)
    System.Diagnostics.DiagnosticSource (4.6)
    System.Diagnostics.EventLog (4.6)
      Microsoft.NETCore.Platforms (>= 3.0)
      Microsoft.Win32.Registry (>= 4.6)
      System.Security.Principal.Windows (>= 4.6)
    System.Diagnostics.TraceSource (4.3)
      Microsoft.NETCore.Platforms (>= 1.1)
      runtime.native.System (>= 4.3)
      System.Collections (>= 4.3)
      System.Diagnostics.Debug (>= 4.3)
      System.Globalization (>= 4.3)
      System.Resources.ResourceManager (>= 4.3)
      System.Runtime (>= 4.3)
      System.Runtime.Extensions (>= 4.3)
      System.Threading (>= 4.3)
    System.Diagnostics.Tracing (4.3)
      Microsoft.NETCore.Platforms (>= 1.1)
      Microsoft.NETCore.Targets (>= 1.1)
      System.Runtime (>= 4.3)
    System.Dynamic.Runtime (4.3)
      System.Collections (>= 4.3)
      System.Diagnostics.Debug (>= 4.3)
      System.Linq (>= 4.3)
      System.Linq.Expressions (>= 4.3)
      System.ObjectModel (>= 4.3)
      System.Reflection (>= 4.3)
      System.Reflection.Emit (>= 4.3)
      System.Reflection.Emit.ILGeneration (>= 4.3)
      System.Reflection.Primitives (>= 4.3)
      System.Reflection.TypeExtensions (>= 4.3)
      System.Resources.ResourceManager (>= 4.3)
      System.Runtime (>= 4.3)
      System.Runtime.Extensions (>= 4.3)
      System.Threading (>= 4.3)
    System.Globalization (4.3)
      Microsoft.NETCore.Platforms (>= 1.1)
      Microsoft.NETCore.Targets (>= 1.1)
      System.Runtime (>= 4.3)
    System.Globalization.Calendars (4.3)
      Microsoft.NETCore.Platforms (>= 1.1)
      Microsoft.NETCore.Targets (>= 1.1)
      System.Globalization (>= 4.3)
      System.Runtime (>= 4.3)
    System.Globalization.Extensions (4.3)
      Microsoft.NETCore.Platforms (>= 1.1)
      System.Globalization (>= 4.3)
      System.Resources.ResourceManager (>= 4.3)
      System.Runtime (>= 4.3)
      System.Runtime.Extensions (>= 4.3)
      System.Runtime.InteropServices (>= 4.3)
    System.IO (4.3)
      Microsoft.NETCore.Platforms (>= 1.1)
      Microsoft.NETCore.Targets (>= 1.1)
      System.Runtime (>= 4.3)
      System.Text.Encoding (>= 4.3)
      System.Threading.Tasks (>= 4.3)
    System.IO.FileSystem (4.3)
      Microsoft.NETCore.Platforms (>= 1.1)
      Microsoft.NETCore.Targets (>= 1.1)
      System.IO (>= 4.3)
      System.IO.FileSystem.Primitives (>= 4.3)
      System.Runtime (>= 4.3)
      System.Runtime.Handles (>= 4.3)
      System.Text.Encoding (>= 4.3)
      System.Threading.Tasks (>= 4.3)
    System.IO.FileSystem.Primitives (4.3)
      System.Runtime (>= 4.3)
    System.IO.Pipelines (4.6)
    System.Linq (4.3)
      System.Collections (>= 4.3)
      System.Diagnostics.Debug (>= 4.3)
      System.Resources.ResourceManager (>= 4.3)
      System.Runtime (>= 4.3)
      System.Runtime.Extensions (>= 4.3)
    System.Linq.Expressions (4.3)
      System.Collections (>= 4.3)
      System.Diagnostics.Debug (>= 4.3)
      System.Globalization (>= 4.3)
      System.IO (>= 4.3)
      System.Linq (>= 4.3)
      System.ObjectModel (>= 4.3)
      System.Reflection (>= 4.3)
      System.Reflection.Emit (>= 4.3)
      System.Reflection.Emit.ILGeneration (>= 4.3)
      System.Reflection.Emit.Lightweight (>= 4.3)
      System.Reflection.Extensions (>= 4.3)
      System.Reflection.Primitives (>= 4.3)
      System.Reflection.TypeExtensions (>= 4.3)
      System.Resources.ResourceManager (>= 4.3)
      System.Runtime (>= 4.3)
      System.Runtime.Extensions (>= 4.3)
      System.Threading (>= 4.3)
    System.Linq.Queryable (4.3)
      System.Collections (>= 4.3)
      System.Diagnostics.Debug (>= 4.3)
      System.Linq (>= 4.3)
      System.Linq.Expressions (>= 4.3)
      System.Reflection (>= 4.3)
      System.Reflection.Extensions (>= 4.3)
      System.Resources.ResourceManager (>= 4.3)
      System.Runtime (>= 4.3)
    System.Memory (4.5.3)
    System.Net.Http (4.3.4)
      Microsoft.NETCore.Platforms (>= 1.1.1)
      runtime.native.System (>= 4.3)
      runtime.native.System.Net.Http (>= 4.3)
      runtime.native.System.Security.Cryptography.OpenSsl (>= 4.3.2)
      System.Collections (>= 4.3)
      System.Diagnostics.Debug (>= 4.3)
      System.Diagnostics.DiagnosticSource (>= 4.3)
      System.Diagnostics.Tracing (>= 4.3)
      System.Globalization (>= 4.3)
      System.Globalization.Extensions (>= 4.3)
      System.IO (>= 4.3)
      System.IO.FileSystem (>= 4.3)
      System.Net.Primitives (>= 4.3)
      System.Resources.ResourceManager (>= 4.3)
      System.Runtime (>= 4.3)
      System.Runtime.Extensions (>= 4.3)
      System.Runtime.Handles (>= 4.3)
      System.Runtime.InteropServices (>= 4.3)
      System.Security.Cryptography.Algorithms (>= 4.3)
      System.Security.Cryptography.Encoding (>= 4.3)
      System.Security.Cryptography.OpenSsl (>= 4.3)
      System.Security.Cryptography.Primitives (>= 4.3)
      System.Security.Cryptography.X509Certificates (>= 4.3)
      System.Text.Encoding (>= 4.3)
      System.Threading (>= 4.3)
      System.Threading.Tasks (>= 4.3)
    System.Net.NameResolution (4.3)
      Microsoft.NETCore.Platforms (>= 1.1)
      runtime.native.System (>= 4.3)
      System.Collections (>= 4.3)
      System.Diagnostics.Tracing (>= 4.3)
      System.Globalization (>= 4.3)
      System.Net.Primitives (>= 4.3)
      System.Resources.ResourceManager (>= 4.3)
      System.Runtime (>= 4.3)
      System.Runtime.Extensions (>= 4.3)
      System.Runtime.Handles (>= 4.3)
      System.Runtime.InteropServices (>= 4.3)
      System.Security.Principal.Windows (>= 4.3)
      System.Threading (>= 4.3)
      System.Threading.Tasks (>= 4.3)
    System.Net.NetworkInformation (4.3)
      Microsoft.NETCore.Platforms (>= 1.1)
      Microsoft.Win32.Primitives (>= 4.3)
      runtime.native.System (>= 4.3)
      System.Collections (>= 4.3)
      System.Diagnostics.Tracing (>= 4.3)
      System.Globalization (>= 4.3)
      System.IO (>= 4.3)
      System.IO.FileSystem (>= 4.3)
      System.IO.FileSystem.Primitives (>= 4.3)
      System.Linq (>= 4.3)
      System.Net.Primitives (>= 4.3)
      System.Net.Sockets (>= 4.3)
      System.Resources.ResourceManager (>= 4.3)
      System.Runtime (>= 4.3)
      System.Runtime.Extensions (>= 4.3)
      System.Runtime.Handles (>= 4.3)
      System.Runtime.InteropServices (>= 4.3)
      System.Security.Principal.Windows (>= 4.3)
      System.Threading (>= 4.3)
      System.Threading.Overlapped (>= 4.3)
      System.Threading.Tasks (>= 4.3)
      System.Threading.Thread (>= 4.3)
      System.Threading.ThreadPool (>= 4.3)
    System.Net.Primitives (4.3.1)
      Microsoft.NETCore.Platforms (>= 1.1.1)
      Microsoft.NETCore.Targets (>= 1.1.3)
      System.Runtime (>= 4.3.1)
      System.Runtime.Handles (>= 4.3)
    System.Net.Requests (4.3)
      Microsoft.NETCore.Platforms (>= 1.1)
      System.Collections (>= 4.3)
      System.Diagnostics.Debug (>= 4.3)
      System.Diagnostics.Tracing (>= 4.3)
      System.Globalization (>= 4.3)
      System.IO (>= 4.3)
      System.Net.Http (>= 4.3)
      System.Net.Primitives (>= 4.3)
      System.Net.WebHeaderCollection (>= 4.3)
      System.Resources.ResourceManager (>= 4.3)
      System.Runtime (>= 4.3)
      System.Threading (>= 4.3)
      System.Threading.Tasks (>= 4.3)
    System.Net.Security (4.3.2)
      Microsoft.NETCore.Platforms (>= 1.1)
      Microsoft.Win32.Primitives (>= 4.3)
      runtime.native.System (>= 4.3)
      runtime.native.System.Net.Security (>= 4.3)
      runtime.native.System.Security.Cryptography.OpenSsl (>= 4.3.2)
      System.Collections (>= 4.3)
      System.Collections.Concurrent (>= 4.3)
      System.Diagnostics.Tracing (>= 4.3)
      System.Globalization (>= 4.3)
      System.Globalization.Extensions (>= 4.3)
      System.IO (>= 4.3)
      System.Net.Primitives (>= 4.3)
      System.Resources.ResourceManager (>= 4.3)
      System.Runtime (>= 4.3)
      System.Runtime.Extensions (>= 4.3)
      System.Runtime.Handles (>= 4.3)
      System.Runtime.InteropServices (>= 4.3)
      System.Security.Claims (>= 4.3)
      System.Security.Cryptography.Algorithms (>= 4.3)
      System.Security.Cryptography.Encoding (>= 4.3)
      System.Security.Cryptography.OpenSsl (>= 4.3)
      System.Security.Cryptography.Primitives (>= 4.3)
      System.Security.Cryptography.X509Certificates (>= 4.3)
      System.Security.Principal (>= 4.3)
      System.Text.Encoding (>= 4.3)
      System.Threading (>= 4.3)
      System.Threading.Tasks (>= 4.3)
      System.Threading.ThreadPool (>= 4.3)
    System.Net.Sockets (4.3)
      Microsoft.NETCore.Platforms (>= 1.1)
      Microsoft.NETCore.Targets (>= 1.1)
      System.IO (>= 4.3)
      System.Net.Primitives (>= 4.3)
      System.Runtime (>= 4.3)
      System.Threading.Tasks (>= 4.3)
    System.Net.WebHeaderCollection (4.3)
      System.Collections (>= 4.3)
      System.Resources.ResourceManager (>= 4.3)
      System.Runtime (>= 4.3)
      System.Runtime.Extensions (>= 4.3)
    System.ObjectModel (4.3)
      System.Collections (>= 4.3)
      System.Diagnostics.Debug (>= 4.3)
      System.Resources.ResourceManager (>= 4.3)
      System.Runtime (>= 4.3)
      System.Threading (>= 4.3)
    System.Reflection (4.3)
      Microsoft.NETCore.Platforms (>= 1.1)
      Microsoft.NETCore.Targets (>= 1.1)
      System.IO (>= 4.3)
      System.Reflection.Primitives (>= 4.3)
      System.Runtime (>= 4.3)
    System.Reflection.Emit (4.6)
    System.Reflection.Emit.ILGeneration (4.6)
    System.Reflection.Emit.Lightweight (4.6)
    System.Reflection.Extensions (4.3)
      Microsoft.NETCore.Platforms (>= 1.1)
      Microsoft.NETCore.Targets (>= 1.1)
      System.Reflection (>= 4.3)
      System.Runtime (>= 4.3)
    System.Reflection.Primitives (4.3)
      Microsoft.NETCore.Platforms (>= 1.1)
      Microsoft.NETCore.Targets (>= 1.1)
      System.Runtime (>= 4.3)
    System.Reflection.TypeExtensions (4.6)
    System.Resources.ResourceManager (4.3)
      Microsoft.NETCore.Platforms (>= 1.1)
      Microsoft.NETCore.Targets (>= 1.1)
      System.Globalization (>= 4.3)
      System.Reflection (>= 4.3)
      System.Runtime (>= 4.3)
    System.Runtime (4.3.1)
      Microsoft.NETCore.Platforms (>= 1.1.1)
      Microsoft.NETCore.Targets (>= 1.1.3)
    System.Runtime.CompilerServices.Unsafe (4.6)
    System.Runtime.Extensions (4.3.1)
      Microsoft.NETCore.Platforms (>= 1.1.1)
      Microsoft.NETCore.Targets (>= 1.1.3)
      System.Runtime (>= 4.3.1)
    System.Runtime.Handles (4.3)
      Microsoft.NETCore.Platforms (>= 1.1)
      Microsoft.NETCore.Targets (>= 1.1)
      System.Runtime (>= 4.3)
    System.Runtime.InteropServices (4.3)
      Microsoft.NETCore.Platforms (>= 1.1)
      Microsoft.NETCore.Targets (>= 1.1)
      System.Reflection (>= 4.3)
      System.Reflection.Primitives (>= 4.3)
      System.Runtime (>= 4.3)
      System.Runtime.Handles (>= 4.3)
    System.Runtime.Loader (4.3)
      System.IO (>= 4.3)
      System.Reflection (>= 4.3)
      System.Runtime (>= 4.3)
    System.Runtime.Numerics (4.3)
      System.Globalization (>= 4.3)
      System.Resources.ResourceManager (>= 4.3)
      System.Runtime (>= 4.3)
      System.Runtime.Extensions (>= 4.3)
    System.Runtime.Serialization.Primitives (4.3)
      System.Resources.ResourceManager (>= 4.3)
      System.Runtime (>= 4.3)
    System.Security.AccessControl (4.6)
      Microsoft.NETCore.Platforms (>= 3.0)
      System.Security.Principal.Windows (>= 4.6)
    System.Security.Claims (4.3)
      System.Collections (>= 4.3)
      System.Globalization (>= 4.3)
      System.IO (>= 4.3)
      System.Resources.ResourceManager (>= 4.3)
      System.Runtime (>= 4.3)
      System.Runtime.Extensions (>= 4.3)
      System.Security.Principal (>= 4.3)
    System.Security.Cryptography.Algorithms (4.3.1)
      Microsoft.NETCore.Platforms (>= 1.1)
      runtime.native.System.Security.Cryptography.Apple (>= 4.3.1)
      runtime.native.System.Security.Cryptography.OpenSsl (>= 4.3.2)
      System.Collections (>= 4.3)
      System.IO (>= 4.3)
      System.Resources.ResourceManager (>= 4.3)
      System.Runtime (>= 4.3)
      System.Runtime.Extensions (>= 4.3)
      System.Runtime.Handles (>= 4.3)
      System.Runtime.InteropServices (>= 4.3)
      System.Runtime.Numerics (>= 4.3)
      System.Security.Cryptography.Encoding (>= 4.3)
      System.Security.Cryptography.Primitives (>= 4.3)
      System.Text.Encoding (>= 4.3)
    System.Security.Cryptography.Cng (4.6)
    System.Security.Cryptography.Csp (4.3)
      Microsoft.NETCore.Platforms (>= 1.1)
      System.IO (>= 4.3)
      System.Reflection (>= 4.3)
      System.Resources.ResourceManager (>= 4.3)
      System.Runtime (>= 4.3)
      System.Runtime.Extensions (>= 4.3)
      System.Runtime.Handles (>= 4.3)
      System.Runtime.InteropServices (>= 4.3)
      System.Security.Cryptography.Algorithms (>= 4.3)
      System.Security.Cryptography.Encoding (>= 4.3)
      System.Security.Cryptography.Primitives (>= 4.3)
      System.Text.Encoding (>= 4.3)
      System.Threading (>= 4.3)
    System.Security.Cryptography.Encoding (4.3)
      Microsoft.NETCore.Platforms (>= 1.1)
      runtime.native.System.Security.Cryptography.OpenSsl (>= 4.3)
      System.Collections (>= 4.3)
      System.Collections.Concurrent (>= 4.3)
      System.Linq (>= 4.3)
      System.Resources.ResourceManager (>= 4.3)
      System.Runtime (>= 4.3)
      System.Runtime.Extensions (>= 4.3)
      System.Runtime.Handles (>= 4.3)
      System.Runtime.InteropServices (>= 4.3)
      System.Security.Cryptography.Primitives (>= 4.3)
      System.Text.Encoding (>= 4.3)
    System.Security.Cryptography.OpenSsl (4.6)
    System.Security.Cryptography.Primitives (4.3)
      System.Diagnostics.Debug (>= 4.3)
      System.Globalization (>= 4.3)
      System.IO (>= 4.3)
      System.Resources.ResourceManager (>= 4.3)
      System.Runtime (>= 4.3)
      System.Threading (>= 4.3)
      System.Threading.Tasks (>= 4.3)
    System.Security.Cryptography.X509Certificates (4.3.2)
      Microsoft.NETCore.Platforms (>= 1.1)
      runtime.native.System (>= 4.3)
      runtime.native.System.Net.Http (>= 4.3)
      runtime.native.System.Security.Cryptography.OpenSsl (>= 4.3.2)
      System.Collections (>= 4.3)
      System.Diagnostics.Debug (>= 4.3)
      System.Globalization (>= 4.3)
      System.Globalization.Calendars (>= 4.3)
      System.IO (>= 4.3)
      System.IO.FileSystem (>= 4.3)
      System.IO.FileSystem.Primitives (>= 4.3)
      System.Resources.ResourceManager (>= 4.3)
      System.Runtime (>= 4.3)
      System.Runtime.Extensions (>= 4.3)
      System.Runtime.Handles (>= 4.3)
      System.Runtime.InteropServices (>= 4.3)
      System.Runtime.Numerics (>= 4.3)
      System.Security.Cryptography.Algorithms (>= 4.3)
      System.Security.Cryptography.Cng (>= 4.3)
      System.Security.Cryptography.Csp (>= 4.3)
      System.Security.Cryptography.Encoding (>= 4.3)
      System.Security.Cryptography.OpenSsl (>= 4.3)
      System.Security.Cryptography.Primitives (>= 4.3)
      System.Text.Encoding (>= 4.3)
      System.Threading (>= 4.3)
    System.Security.Principal (4.3)
      System.Runtime (>= 4.3)
    System.Security.Principal.Windows (4.6)
      Microsoft.NETCore.Platforms (>= 3.0)
    System.Security.SecureString (4.3)
      Microsoft.NETCore.Platforms (>= 1.1)
      System.Resources.ResourceManager (>= 4.3)
      System.Runtime (>= 4.3)
      System.Runtime.Handles (>= 4.3)
      System.Runtime.InteropServices (>= 4.3)
      System.Security.Cryptography.Primitives (>= 4.3)
      System.Text.Encoding (>= 4.3)
      System.Threading (>= 4.3)
    System.Text.Encoding (4.3)
      Microsoft.NETCore.Platforms (>= 1.1)
      Microsoft.NETCore.Targets (>= 1.1)
      System.Runtime (>= 4.3)
    System.Text.Encoding.CodePages (4.6)
      Microsoft.NETCore.Platforms (>= 3.0)
      System.Runtime.CompilerServices.Unsafe (>= 4.6)
    System.Text.Encodings.Web (4.6)
    System.Text.Json (4.6)
      Microsoft.Bcl.AsyncInterfaces (>= 1.0)
      System.Runtime.CompilerServices.Unsafe (>= 4.6)
      System.Text.Encodings.Web (>= 4.6)
    System.Threading (4.3)
      System.Runtime (>= 4.3)
      System.Threading.Tasks (>= 4.3)
    System.Threading.Overlapped (4.3)
      Microsoft.NETCore.Platforms (>= 1.1)
      System.Resources.ResourceManager (>= 4.3)
      System.Runtime (>= 4.3)
      System.Runtime.Handles (>= 4.3)
    System.Threading.Tasks (4.3)
      Microsoft.NETCore.Platforms (>= 1.1)
      Microsoft.NETCore.Targets (>= 1.1)
      System.Runtime (>= 4.3)
    System.Threading.Tasks.Dataflow (4.10)
    System.Threading.Tasks.Extensions (4.5.3)
    System.Threading.Thread (4.3)
      System.Runtime (>= 4.3)
    System.Threading.ThreadPool (4.3)
      System.Runtime (>= 4.3)
      System.Runtime.Handles (>= 4.3)
    WindowsAzure.Storage (9.3.3)
      NETStandard.Library (>= 1.6.1)
      Newtonsoft.Json (>= 10.0.2)

GROUP azureRes
RESTRICTION: == net472
NUGET
  remote: https://www.nuget.org/api/v2
    Microsoft.Azure.KeyVault (3.0.2)
      Microsoft.Azure.KeyVault.WebKey (>= 3.0.2)
      Microsoft.Rest.ClientRuntime (>= 2.3.18 < 3.0)
      Microsoft.Rest.ClientRuntime.Azure (>= 3.3.18 < 4.0)
      Newtonsoft.Json (>= 6.0.8)
    Microsoft.Azure.KeyVault.Core (3.0.1)
    Microsoft.Azure.KeyVault.WebKey (3.0.2)
      Newtonsoft.Json (>= 6.0.8)
    Microsoft.Azure.Management.AppService.Fluent (1.18)
      Microsoft.Azure.Management.KeyVault.Fluent (>= 1.18)
      Microsoft.Azure.Management.ResourceManager.Fluent (>= 1.18)
      Microsoft.Azure.Management.Storage.Fluent (>= 1.18)
      Microsoft.Rest.ClientRuntime (>= 2.3.17 < 3.0)
      Microsoft.Rest.ClientRuntime.Azure (>= 3.3.18 < 4.0)
    Microsoft.Azure.Management.Batch.Fluent (1.18)
      Microsoft.Azure.Management.ResourceManager.Fluent (>= 1.18)
      Microsoft.Azure.Management.Storage.Fluent (>= 1.18)
      Microsoft.Rest.ClientRuntime (>= 2.3.17 < 3.0)
      Microsoft.Rest.ClientRuntime.Azure (>= 3.3.18 < 4.0)
    Microsoft.Azure.Management.BatchAI.Fluent (1.18)
      Microsoft.Azure.Management.KeyVault.Fluent (>= 1.18)
      Microsoft.Azure.Management.ResourceManager.Fluent (>= 1.18)
      Microsoft.Azure.Management.Storage.Fluent (>= 1.18)
      Microsoft.Rest.ClientRuntime (>= 2.3.17 < 3.0)
      Microsoft.Rest.ClientRuntime.Azure (>= 3.3.18 < 4.0)
    Microsoft.Azure.Management.Cdn.Fluent (1.18)
      Microsoft.Azure.Management.ResourceManager.Fluent (>= 1.18)
      Microsoft.Rest.ClientRuntime (>= 2.3.17 < 3.0)
      Microsoft.Rest.ClientRuntime.Azure (>= 3.3.18 < 4.0)
    Microsoft.Azure.Management.Compute.Fluent (1.18)
      Microsoft.Azure.Management.Graph.RBAC.Fluent (>= 1.18)
      Microsoft.Azure.Management.Msi.Fluent (>= 1.18)
      Microsoft.Azure.Management.Network.Fluent (>= 1.18)
      Microsoft.Azure.Management.ResourceManager.Fluent (>= 1.18)
      Microsoft.Azure.Management.Storage.Fluent (>= 1.18)
      Microsoft.Rest.ClientRuntime (>= 2.3.17 < 3.0)
      Microsoft.Rest.ClientRuntime.Azure (>= 3.3.18 < 4.0)
    Microsoft.Azure.Management.ContainerInstance.Fluent (1.18)
      Microsoft.Azure.Management.ResourceManager.Fluent (>= 1.18)
      Microsoft.Azure.Management.Storage.Fluent (>= 1.18)
      Microsoft.Rest.ClientRuntime (>= 2.3.17 < 3.0)
      Microsoft.Rest.ClientRuntime.Azure (>= 3.3.18 < 4.0)
      WindowsAzure.Storage (>= 8.1.4)
    Microsoft.Azure.Management.ContainerRegistry.Fluent (1.18)
      Microsoft.Azure.Management.ResourceManager.Fluent (>= 1.18)
      Microsoft.Azure.Management.Storage.Fluent (>= 1.18)
      Microsoft.Rest.ClientRuntime (>= 2.3.17 < 3.0)
      Microsoft.Rest.ClientRuntime.Azure (>= 3.3.18 < 4.0)
    Microsoft.Azure.Management.ContainerService.Fluent (1.18)
      Microsoft.Azure.Management.ResourceManager.Fluent (>= 1.18)
      Microsoft.Rest.ClientRuntime (>= 2.3.17 < 3.0)
      Microsoft.Rest.ClientRuntime.Azure (>= 3.3.18 < 4.0)
    Microsoft.Azure.Management.CosmosDB.Fluent (1.18)
      Microsoft.Azure.Management.ResourceManager.Fluent (>= 1.18)
      Microsoft.Rest.ClientRuntime (>= 2.3.17 < 3.0)
      Microsoft.Rest.ClientRuntime.Azure (>= 3.3.18 < 4.0)
    Microsoft.Azure.Management.Dns.Fluent (1.18)
      Microsoft.Azure.Management.ResourceManager.Fluent (>= 1.18)
      Microsoft.Rest.ClientRuntime (>= 2.3.17 < 3.0)
      Microsoft.Rest.ClientRuntime.Azure (>= 3.3.18 < 4.0)
    Microsoft.Azure.Management.EventHub.Fluent (1.18)
      Microsoft.Azure.Management.ResourceManager.Fluent (>= 1.18)
      Microsoft.Azure.Management.Storage.Fluent (>= 1.18)
      Microsoft.Rest.ClientRuntime (>= 2.3.17 < 3.0)
      Microsoft.Rest.ClientRuntime.Azure (>= 3.3.18 < 4.0)
      WindowsAzure.Storage (>= 8.1.4)
    Microsoft.Azure.Management.Fluent (1.18)
      Microsoft.Azure.Management.AppService.Fluent (>= 1.18)
      Microsoft.Azure.Management.Batch.Fluent (>= 1.18)
      Microsoft.Azure.Management.BatchAI.Fluent (>= 1.18)
      Microsoft.Azure.Management.Cdn.Fluent (>= 1.18)
      Microsoft.Azure.Management.Compute.Fluent (>= 1.18)
      Microsoft.Azure.Management.ContainerInstance.Fluent (>= 1.18)
      Microsoft.Azure.Management.ContainerRegistry.Fluent (>= 1.18)
      Microsoft.Azure.Management.ContainerService.Fluent (>= 1.18)
      Microsoft.Azure.Management.CosmosDB.Fluent (>= 1.18)
      Microsoft.Azure.Management.Dns.Fluent (>= 1.18)
      Microsoft.Azure.Management.EventHub.Fluent (>= 1.18)
      Microsoft.Azure.Management.Graph.RBAC.Fluent (>= 1.18)
      Microsoft.Azure.Management.KeyVault.Fluent (>= 1.18)
      Microsoft.Azure.Management.Locks.Fluent (>= 1.18)
      Microsoft.Azure.Management.Monitor.Fluent (>= 1.18)
      Microsoft.Azure.Management.Msi.Fluent (>= 1.18)
      Microsoft.Azure.Management.Network.Fluent (>= 1.18)
      Microsoft.Azure.Management.Redis.Fluent (>= 1.18)
      Microsoft.Azure.Management.ResourceManager.Fluent (>= 1.18)
      Microsoft.Azure.Management.Search.Fluent (>= 1.18)
      Microsoft.Azure.Management.ServiceBus.Fluent (>= 1.18)
      Microsoft.Azure.Management.Sql.Fluent (>= 1.18)
      Microsoft.Azure.Management.Storage.Fluent (>= 1.18)
      Microsoft.Azure.Management.TrafficManager.Fluent (>= 1.18)
      Microsoft.Rest.ClientRuntime (>= 2.3.17 < 3.0)
      Microsoft.Rest.ClientRuntime.Azure (>= 3.3.18 < 4.0)
    Microsoft.Azure.Management.Graph.RBAC.Fluent (1.18)
      Microsoft.Azure.Management.ResourceManager.Fluent (>= 1.18)
      Microsoft.Rest.ClientRuntime (>= 2.3.17 < 3.0)
      Microsoft.Rest.ClientRuntime.Azure (>= 3.3.18 < 4.0)
    Microsoft.Azure.Management.KeyVault.Fluent (1.18)
      Microsoft.Azure.KeyVault (>= 3.0.1)
      Microsoft.Azure.Management.Graph.RBAC.Fluent (>= 1.18)
      Microsoft.Azure.Management.ResourceManager.Fluent (>= 1.18)
      Microsoft.Rest.ClientRuntime (>= 2.3.17 < 3.0)
      Microsoft.Rest.ClientRuntime.Azure (>= 3.3.18 < 4.0)
    Microsoft.Azure.Management.Locks.Fluent (1.18)
      Microsoft.Azure.Management.ResourceManager.Fluent (>= 1.18)
      Microsoft.Rest.ClientRuntime (>= 2.3.17 < 3.0)
      Microsoft.Rest.ClientRuntime.Azure (>= 3.3.18 < 4.0)
    Microsoft.Azure.Management.Monitor.Fluent (1.18)
      Microsoft.Azure.Management.ResourceManager.Fluent (>= 1.18)
      Microsoft.Rest.ClientRuntime (>= 2.3.17 < 3.0)
      Microsoft.Rest.ClientRuntime.Azure (>= 3.3.18 < 4.0)
    Microsoft.Azure.Management.Msi.Fluent (1.18)
      Microsoft.Azure.Management.Graph.RBAC.Fluent (>= 1.18)
      Microsoft.Azure.Management.ResourceManager.Fluent (>= 1.18)
      Microsoft.Rest.ClientRuntime (>= 2.3.17 < 3.0)
      Microsoft.Rest.ClientRuntime.Azure (>= 3.3.18 < 4.0)
    Microsoft.Azure.Management.Network.Fluent (1.18)
      Microsoft.Azure.Management.ResourceManager.Fluent (>= 1.18)
      Microsoft.Rest.ClientRuntime (>= 2.3.17 < 3.0)
      Microsoft.Rest.ClientRuntime.Azure (>= 3.3.18 < 4.0)
    Microsoft.Azure.Management.Redis.Fluent (1.18)
      Microsoft.Azure.Management.ResourceManager.Fluent (>= 1.18)
      Microsoft.Rest.ClientRuntime (>= 2.3.17 < 3.0)
      Microsoft.Rest.ClientRuntime.Azure (>= 3.3.18 < 4.0)
    Microsoft.Azure.Management.ResourceManager.Fluent (1.18)
      Microsoft.Rest.ClientRuntime (>= 2.3.17 < 3.0)
      Microsoft.Rest.ClientRuntime.Azure (>= 3.3.18 < 4.0)
      Microsoft.Rest.ClientRuntime.Azure.Authentication (>= 2.3.4)
    Microsoft.Azure.Management.Search.Fluent (1.18)
      Microsoft.Azure.Management.ResourceManager.Fluent (>= 1.18)
      Microsoft.Rest.ClientRuntime (>= 2.3.17 < 3.0)
      Microsoft.Rest.ClientRuntime.Azure (>= 3.3.18 < 4.0)
    Microsoft.Azure.Management.ServiceBus.Fluent (1.18)
      Microsoft.Azure.Management.ResourceManager.Fluent (>= 1.18)
      Microsoft.Rest.ClientRuntime (>= 2.3.17 < 3.0)
      Microsoft.Rest.ClientRuntime.Azure (>= 3.3.18 < 4.0)
    Microsoft.Azure.Management.Sql.Fluent (1.18)
      Microsoft.Azure.Management.ResourceManager.Fluent (>= 1.18)
      Microsoft.Azure.Management.Storage.Fluent (>= 1.18)
      Microsoft.Rest.ClientRuntime (>= 2.3.17 < 3.0)
      Microsoft.Rest.ClientRuntime.Azure (>= 3.3.18 < 4.0)
      WindowsAzure.Storage (>= 8.1.4)
    Microsoft.Azure.Management.Storage.Fluent (1.18)
      Microsoft.Azure.Management.ResourceManager.Fluent (>= 1.18)
      Microsoft.Rest.ClientRuntime (>= 2.3.17 < 3.0)
      Microsoft.Rest.ClientRuntime.Azure (>= 3.3.18 < 4.0)
    Microsoft.Azure.Management.TrafficManager.Fluent (1.18)
      Microsoft.Azure.Management.ResourceManager.Fluent (>= 1.18)
      Microsoft.Rest.ClientRuntime (>= 2.3.17 < 3.0)
      Microsoft.Rest.ClientRuntime.Azure (>= 3.3.18 < 4.0)
    Microsoft.IdentityModel.Clients.ActiveDirectory (3.19.8)
    Microsoft.IdentityModel.Logging (5.3)
    Microsoft.IdentityModel.Tokens (5.3)
      Microsoft.IdentityModel.Logging (>= 5.3)
      Newtonsoft.Json (>= 10.0.1)
    Microsoft.Rest.ClientRuntime (2.3.18)
      Newtonsoft.Json (>= 6.0.8)
    Microsoft.Rest.ClientRuntime.Azure (3.3.18)
      Microsoft.Rest.ClientRuntime (>= 2.3.17 < 3.0)
      Newtonsoft.Json (>= 6.0.8)
    Microsoft.Rest.ClientRuntime.Azure.Authentication (2.3.6)
      Microsoft.IdentityModel.Clients.ActiveDirectory (>= 3.14 < 4.0)
      Microsoft.IdentityModel.Tokens (>= 5.1.2 < 6.0)
      Microsoft.Rest.ClientRuntime (>= 2.3.18 < 3.0)
      Newtonsoft.Json (>= 10.0.3)
    Newtonsoft.Json (12.0.1)
    WindowsAzure.Storage (9.3.3)
      Microsoft.Azure.KeyVault.Core (>= 1.0)
      Newtonsoft.Json (>= 10.0.2)

GROUP dataCleansing
STORAGE: NONE
RESTRICTION: == net472
NUGET
  remote: https://api.nuget.org/v3/index.json
    canopy (2.1)
      FSharp.Core (>= 4.3.4)
      Selenium.WebDriver (>= 3.14)
      System.Drawing.Common (>= 4.5)
    FSharp.Azure.StorageTypeProvider (2.0.1)
      FSharp.Compiler.Tools (>= 10.2.1)
      WindowsAzure.Storage (>= 9.3.2)
    FSharp.Compiler.Tools (10.2.3)
    FSharp.Core (4.7)
    FSharp.Data (3.3.2)
      FSharp.Core (>= 4.0.0.1)
    Microsoft.Azure.KeyVault.Core (3.0.4)
      Microsoft.Rest.ClientRuntime (>= 2.3.20 < 3.0)
      Microsoft.Rest.ClientRuntime.Azure (>= 3.3.18 < 4.0)
      Newtonsoft.Json (>= 10.0.3)
    Microsoft.Rest.ClientRuntime (2.3.20)
      Newtonsoft.Json (>= 10.0.3)
    Microsoft.Rest.ClientRuntime.Azure (3.3.19)
      Microsoft.Rest.ClientRuntime (>= 2.3.19 < 3.0)
      Newtonsoft.Json (>= 10.0.3)
    Newtonsoft.Json (12.0.2)
    Selenium.WebDriver (3.141)
    Selenium.WebDriver.ChromeDriver (77.0.3865.4000)
    System.Drawing.Common (4.6)
    WindowsAzure.Storage (9.3.3)
      Microsoft.Azure.KeyVault.Core (>= 1.0)
      Newtonsoft.Json (>= 10.0.2)

GROUP scripts
RESTRICTION: == net472
NUGET
  remote: https://www.nuget.org/api/v2
    FSharp.Azure.StorageTypeProvider (1.9.5)
      WindowsAzure.Storage (>= 7.2.1)
    FSharp.Core (4.5.4)
    FSharp.Data (3.0)
      FSharp.Core (>= 4.0.0.1)
    Microsoft.Azure.KeyVault.Core (3.0.1)
    Newtonsoft.Json (12.0.1)
    WindowsAzure.Storage (9.3.3)
      Microsoft.Azure.KeyVault.Core (>= 1.0)
      Newtonsoft.Json (>= 10.0.2)
