RESTRICTION: >= net472
NUGET
  remote: https://api.nuget.org/v3/index.json
    FSharp.Azure.StorageTypeProvider (1.9.5)
      WindowsAzure.Storage (>= 7.2.1)
    FSharp.Collections.ParallelSeq (1.1.2)
      FSharp.Core (>= 4.0.0.1)
      System.ValueTuple (>= 4.3.1)
    FSharp.Core (4.5.4)
    FSharp.Data (3.0)
      FSharp.Core (>= 4.0.0.1)
    Microsoft.Azure.KeyVault.Core (3.0.1)
    Newtonsoft.Json (12.0.1)
    Suave (2.5.3)
      FSharp.Core (>= 4.0 < 5.0)
    System.Configuration.ConfigurationManager (4.5)
      System.Security.Permissions (>= 4.5)
    System.Security.AccessControl (4.5)
      System.Security.Principal.Windows (>= 4.5)
    System.Security.Permissions (4.5)
      System.Security.AccessControl (>= 4.5)
    System.Security.Principal.Windows (4.5.1)
    System.ValueTuple (4.5)
    WindowsAzure.Storage (9.3.3)
      Microsoft.Azure.KeyVault.Core (>= 1.0)
      Newtonsoft.Json (>= 10.0.2)

GROUP azureRes
RESTRICTION: == net472
NUGET
  remote: https://www.nuget.org/api/v2
    Microsoft.Azure.KeyVault (3.0.2)
      Microsoft.Azure.KeyVault.WebKey (>= 3.0.2)
      Microsoft.Rest.ClientRuntime (>= 2.3.18 < 3.0)
      Microsoft.Rest.ClientRuntime.Azure (>= 3.3.18 < 4.0)
      Newtonsoft.Json (>= 6.0.8)
    Microsoft.Azure.KeyVault.Core (3.0.1)
    Microsoft.Azure.KeyVault.WebKey (3.0.2)
      Newtonsoft.Json (>= 6.0.8)
    Microsoft.Azure.Management.AppService.Fluent (1.18)
      Microsoft.Azure.Management.KeyVault.Fluent (>= 1.18)
      Microsoft.Azure.Management.ResourceManager.Fluent (>= 1.18)
      Microsoft.Azure.Management.Storage.Fluent (>= 1.18)
      Microsoft.Rest.ClientRuntime (>= 2.3.17 < 3.0)
      Microsoft.Rest.ClientRuntime.Azure (>= 3.3.18 < 4.0)
    Microsoft.Azure.Management.Batch.Fluent (1.18)
      Microsoft.Azure.Management.ResourceManager.Fluent (>= 1.18)
      Microsoft.Azure.Management.Storage.Fluent (>= 1.18)
      Microsoft.Rest.ClientRuntime (>= 2.3.17 < 3.0)
      Microsoft.Rest.ClientRuntime.Azure (>= 3.3.18 < 4.0)
    Microsoft.Azure.Management.BatchAI.Fluent (1.18)
      Microsoft.Azure.Management.KeyVault.Fluent (>= 1.18)
      Microsoft.Azure.Management.ResourceManager.Fluent (>= 1.18)
      Microsoft.Azure.Management.Storage.Fluent (>= 1.18)
      Microsoft.Rest.ClientRuntime (>= 2.3.17 < 3.0)
      Microsoft.Rest.ClientRuntime.Azure (>= 3.3.18 < 4.0)
    Microsoft.Azure.Management.Cdn.Fluent (1.18)
      Microsoft.Azure.Management.ResourceManager.Fluent (>= 1.18)
      Microsoft.Rest.ClientRuntime (>= 2.3.17 < 3.0)
      Microsoft.Rest.ClientRuntime.Azure (>= 3.3.18 < 4.0)
    Microsoft.Azure.Management.Compute.Fluent (1.18)
      Microsoft.Azure.Management.Graph.RBAC.Fluent (>= 1.18)
      Microsoft.Azure.Management.Msi.Fluent (>= 1.18)
      Microsoft.Azure.Management.Network.Fluent (>= 1.18)
      Microsoft.Azure.Management.ResourceManager.Fluent (>= 1.18)
      Microsoft.Azure.Management.Storage.Fluent (>= 1.18)
      Microsoft.Rest.ClientRuntime (>= 2.3.17 < 3.0)
      Microsoft.Rest.ClientRuntime.Azure (>= 3.3.18 < 4.0)
    Microsoft.Azure.Management.ContainerInstance.Fluent (1.18)
      Microsoft.Azure.Management.ResourceManager.Fluent (>= 1.18)
      Microsoft.Azure.Management.Storage.Fluent (>= 1.18)
      Microsoft.Rest.ClientRuntime (>= 2.3.17 < 3.0)
      Microsoft.Rest.ClientRuntime.Azure (>= 3.3.18 < 4.0)
      WindowsAzure.Storage (>= 8.1.4)
    Microsoft.Azure.Management.ContainerRegistry.Fluent (1.18)
      Microsoft.Azure.Management.ResourceManager.Fluent (>= 1.18)
      Microsoft.Azure.Management.Storage.Fluent (>= 1.18)
      Microsoft.Rest.ClientRuntime (>= 2.3.17 < 3.0)
      Microsoft.Rest.ClientRuntime.Azure (>= 3.3.18 < 4.0)
    Microsoft.Azure.Management.ContainerService.Fluent (1.18)
      Microsoft.Azure.Management.ResourceManager.Fluent (>= 1.18)
      Microsoft.Rest.ClientRuntime (>= 2.3.17 < 3.0)
      Microsoft.Rest.ClientRuntime.Azure (>= 3.3.18 < 4.0)
    Microsoft.Azure.Management.CosmosDB.Fluent (1.18)
      Microsoft.Azure.Management.ResourceManager.Fluent (>= 1.18)
      Microsoft.Rest.ClientRuntime (>= 2.3.17 < 3.0)
      Microsoft.Rest.ClientRuntime.Azure (>= 3.3.18 < 4.0)
    Microsoft.Azure.Management.Dns.Fluent (1.18)
      Microsoft.Azure.Management.ResourceManager.Fluent (>= 1.18)
      Microsoft.Rest.ClientRuntime (>= 2.3.17 < 3.0)
      Microsoft.Rest.ClientRuntime.Azure (>= 3.3.18 < 4.0)
    Microsoft.Azure.Management.EventHub.Fluent (1.18)
      Microsoft.Azure.Management.ResourceManager.Fluent (>= 1.18)
      Microsoft.Azure.Management.Storage.Fluent (>= 1.18)
      Microsoft.Rest.ClientRuntime (>= 2.3.17 < 3.0)
      Microsoft.Rest.ClientRuntime.Azure (>= 3.3.18 < 4.0)
      WindowsAzure.Storage (>= 8.1.4)
    Microsoft.Azure.Management.Fluent (1.18)
      Microsoft.Azure.Management.AppService.Fluent (>= 1.18)
      Microsoft.Azure.Management.Batch.Fluent (>= 1.18)
      Microsoft.Azure.Management.BatchAI.Fluent (>= 1.18)
      Microsoft.Azure.Management.Cdn.Fluent (>= 1.18)
      Microsoft.Azure.Management.Compute.Fluent (>= 1.18)
      Microsoft.Azure.Management.ContainerInstance.Fluent (>= 1.18)
      Microsoft.Azure.Management.ContainerRegistry.Fluent (>= 1.18)
      Microsoft.Azure.Management.ContainerService.Fluent (>= 1.18)
      Microsoft.Azure.Management.CosmosDB.Fluent (>= 1.18)
      Microsoft.Azure.Management.Dns.Fluent (>= 1.18)
      Microsoft.Azure.Management.EventHub.Fluent (>= 1.18)
      Microsoft.Azure.Management.Graph.RBAC.Fluent (>= 1.18)
      Microsoft.Azure.Management.KeyVault.Fluent (>= 1.18)
      Microsoft.Azure.Management.Locks.Fluent (>= 1.18)
      Microsoft.Azure.Management.Monitor.Fluent (>= 1.18)
      Microsoft.Azure.Management.Msi.Fluent (>= 1.18)
      Microsoft.Azure.Management.Network.Fluent (>= 1.18)
      Microsoft.Azure.Management.Redis.Fluent (>= 1.18)
      Microsoft.Azure.Management.ResourceManager.Fluent (>= 1.18)
      Microsoft.Azure.Management.Search.Fluent (>= 1.18)
      Microsoft.Azure.Management.ServiceBus.Fluent (>= 1.18)
      Microsoft.Azure.Management.Sql.Fluent (>= 1.18)
      Microsoft.Azure.Management.Storage.Fluent (>= 1.18)
      Microsoft.Azure.Management.TrafficManager.Fluent (>= 1.18)
      Microsoft.Rest.ClientRuntime (>= 2.3.17 < 3.0)
      Microsoft.Rest.ClientRuntime.Azure (>= 3.3.18 < 4.0)
    Microsoft.Azure.Management.Graph.RBAC.Fluent (1.18)
      Microsoft.Azure.Management.ResourceManager.Fluent (>= 1.18)
      Microsoft.Rest.ClientRuntime (>= 2.3.17 < 3.0)
      Microsoft.Rest.ClientRuntime.Azure (>= 3.3.18 < 4.0)
    Microsoft.Azure.Management.KeyVault.Fluent (1.18)
      Microsoft.Azure.KeyVault (>= 3.0.1)
      Microsoft.Azure.Management.Graph.RBAC.Fluent (>= 1.18)
      Microsoft.Azure.Management.ResourceManager.Fluent (>= 1.18)
      Microsoft.Rest.ClientRuntime (>= 2.3.17 < 3.0)
      Microsoft.Rest.ClientRuntime.Azure (>= 3.3.18 < 4.0)
    Microsoft.Azure.Management.Locks.Fluent (1.18)
      Microsoft.Azure.Management.ResourceManager.Fluent (>= 1.18)
      Microsoft.Rest.ClientRuntime (>= 2.3.17 < 3.0)
      Microsoft.Rest.ClientRuntime.Azure (>= 3.3.18 < 4.0)
    Microsoft.Azure.Management.Monitor.Fluent (1.18)
      Microsoft.Azure.Management.ResourceManager.Fluent (>= 1.18)
      Microsoft.Rest.ClientRuntime (>= 2.3.17 < 3.0)
      Microsoft.Rest.ClientRuntime.Azure (>= 3.3.18 < 4.0)
    Microsoft.Azure.Management.Msi.Fluent (1.18)
      Microsoft.Azure.Management.Graph.RBAC.Fluent (>= 1.18)
      Microsoft.Azure.Management.ResourceManager.Fluent (>= 1.18)
      Microsoft.Rest.ClientRuntime (>= 2.3.17 < 3.0)
      Microsoft.Rest.ClientRuntime.Azure (>= 3.3.18 < 4.0)
    Microsoft.Azure.Management.Network.Fluent (1.18)
      Microsoft.Azure.Management.ResourceManager.Fluent (>= 1.18)
      Microsoft.Rest.ClientRuntime (>= 2.3.17 < 3.0)
      Microsoft.Rest.ClientRuntime.Azure (>= 3.3.18 < 4.0)
    Microsoft.Azure.Management.Redis.Fluent (1.18)
      Microsoft.Azure.Management.ResourceManager.Fluent (>= 1.18)
      Microsoft.Rest.ClientRuntime (>= 2.3.17 < 3.0)
      Microsoft.Rest.ClientRuntime.Azure (>= 3.3.18 < 4.0)
    Microsoft.Azure.Management.ResourceManager.Fluent (1.18)
      Microsoft.Rest.ClientRuntime (>= 2.3.17 < 3.0)
      Microsoft.Rest.ClientRuntime.Azure (>= 3.3.18 < 4.0)
      Microsoft.Rest.ClientRuntime.Azure.Authentication (>= 2.3.4)
    Microsoft.Azure.Management.Search.Fluent (1.18)
      Microsoft.Azure.Management.ResourceManager.Fluent (>= 1.18)
      Microsoft.Rest.ClientRuntime (>= 2.3.17 < 3.0)
      Microsoft.Rest.ClientRuntime.Azure (>= 3.3.18 < 4.0)
    Microsoft.Azure.Management.ServiceBus.Fluent (1.18)
      Microsoft.Azure.Management.ResourceManager.Fluent (>= 1.18)
      Microsoft.Rest.ClientRuntime (>= 2.3.17 < 3.0)
      Microsoft.Rest.ClientRuntime.Azure (>= 3.3.18 < 4.0)
    Microsoft.Azure.Management.Sql.Fluent (1.18)
      Microsoft.Azure.Management.ResourceManager.Fluent (>= 1.18)
      Microsoft.Azure.Management.Storage.Fluent (>= 1.18)
      Microsoft.Rest.ClientRuntime (>= 2.3.17 < 3.0)
      Microsoft.Rest.ClientRuntime.Azure (>= 3.3.18 < 4.0)
      WindowsAzure.Storage (>= 8.1.4)
    Microsoft.Azure.Management.Storage.Fluent (1.18)
      Microsoft.Azure.Management.ResourceManager.Fluent (>= 1.18)
      Microsoft.Rest.ClientRuntime (>= 2.3.17 < 3.0)
      Microsoft.Rest.ClientRuntime.Azure (>= 3.3.18 < 4.0)
    Microsoft.Azure.Management.TrafficManager.Fluent (1.18)
      Microsoft.Azure.Management.ResourceManager.Fluent (>= 1.18)
      Microsoft.Rest.ClientRuntime (>= 2.3.17 < 3.0)
      Microsoft.Rest.ClientRuntime.Azure (>= 3.3.18 < 4.0)
    Microsoft.IdentityModel.Clients.ActiveDirectory (3.19.8)
    Microsoft.IdentityModel.Logging (5.3)
    Microsoft.IdentityModel.Tokens (5.3)
      Microsoft.IdentityModel.Logging (>= 5.3)
      Newtonsoft.Json (>= 10.0.1)
    Microsoft.Rest.ClientRuntime (2.3.18)
      Newtonsoft.Json (>= 6.0.8)
    Microsoft.Rest.ClientRuntime.Azure (3.3.18)
      Microsoft.Rest.ClientRuntime (>= 2.3.17 < 3.0)
      Newtonsoft.Json (>= 6.0.8)
    Microsoft.Rest.ClientRuntime.Azure.Authentication (2.3.6)
      Microsoft.IdentityModel.Clients.ActiveDirectory (>= 3.14 < 4.0)
      Microsoft.IdentityModel.Tokens (>= 5.1.2 < 6.0)
      Microsoft.Rest.ClientRuntime (>= 2.3.18 < 3.0)
      Newtonsoft.Json (>= 10.0.3)
    Newtonsoft.Json (12.0.1)
    WindowsAzure.Storage (9.3.3)
      Microsoft.Azure.KeyVault.Core (>= 1.0)
      Newtonsoft.Json (>= 10.0.2)

GROUP scripts
RESTRICTION: == net472
NUGET
  remote: https://www.nuget.org/api/v2
    FSharp.Azure.StorageTypeProvider (1.9.5)
      WindowsAzure.Storage (>= 7.2.1)
    FSharp.Core (4.5.4)
    FSharp.Data (3.0)
      FSharp.Core (>= 4.0.0.1)
    Microsoft.Azure.KeyVault.Core (3.0.1)
    Newtonsoft.Json (12.0.1)
    WindowsAzure.Storage (9.3.3)
      Microsoft.Azure.KeyVault.Core (>= 1.0)
      Newtonsoft.Json (>= 10.0.2)
