RESTRICTION: >= net471
NUGET
  remote: https://api.nuget.org/v3/index.json
    FSharp.Azure.StorageTypeProvider (1.9.5)
      WindowsAzure.Storage (>= 7.2.1)
    FSharp.Core (4.5.4)
    FSharp.Data (3.0)
      FSharp.Core (>= 4.0.0.1)
    Microsoft.Azure.KeyVault.Core (3.0.1)
    Newtonsoft.Json (12.0.1)
    Suave (2.5.3)
      FSharp.Core (>= 4.0 < 5.0)
    System.ValueTuple (4.5)
    WindowsAzure.Storage (9.3.3)
      Microsoft.Azure.KeyVault.Core (>= 1.0)
      Newtonsoft.Json (>= 10.0.2)

GROUP scripts
RESTRICTION: == net472
NUGET
  remote: https://www.nuget.org/api/v2
    FSharp.Azure.StorageTypeProvider (1.9.5)
      WindowsAzure.Storage (>= 7.2.1)
    FSharp.Core (4.5.4)
    FSharp.Data (3.0)
      FSharp.Core (>= 4.0.0.1)
    Microsoft.Azure.KeyVault.Core (3.0.1)
    Newtonsoft.Json (12.0.1)
    WindowsAzure.Storage (9.3.3)
      Microsoft.Azure.KeyVault.Core (>= 1.0)
      Newtonsoft.Json (>= 10.0.2)
